{
  "AcquisitionMatrixPE": 104,
  "AcquisitionNumber": 1,
  "AcquisitionTime": "15:01:34.670000",
  "BandwidthPerPixelPhaseEncode": 16.297,
  "BaseResolution": 104,
  "BodyPartExamined": "BRAIN",
  "ConsistencyInfo": "N4_VE11C_LATEST_20160120",
  "ConversionSoftware": "dcm2niix",
  "ConversionSoftwareVersion": "v1.0.20210317",
  "DerivedVendorReportedEchoSpacing": 0.000590009,
  "DeviceSerialNumber": "166018",
  "DwellTime": 2.1e-06,
  "EchoTime": 0.0376,
  "EchoTrainLength": 104,
  "EffectiveEchoSpacing": 0.000590009,
  "FlipAngle": 68,
  "ImageComments": "Unaliased MB6/PE3/LB",
  "ImageOrientationPatientDICOM": [0.999402, 0.014989, -0.0311636, -0.0195384, 0.988305, -0.151236],
  "ImageType": [
    "ORIGINAL",
    "PRIMARY",
    "M",
    "MB",
    "ND",
    "MOSAIC"
],
  "ImagingFrequency": 123.197,
  "InPlanePhaseEncodingDirectionDICOM": "COL",
  "InstitutionAddress": "Washington Place 6,NYC,NYC,US,10003",
  "InstitutionName": "NYU - CBI",
  "InstitutionalDepartmentName": "Department",
  "MRAcquisitionType": "2D",
  "MagneticFieldStrength": 3,
  "Manufacturer": "Siemens",
  "ManufacturersModelName": "Prisma",
  "Modality": "MR",
  "MultibandAccelerationFactor": 6,
  "PartialFourier": 1,
  "PatientPosition": "HFS",
  "PercentPhaseFOV": 100,
  "PercentSampling": 100,
  "PhaseEncodingDirection": "j",
  "PhaseEncodingSteps": 104,
  "PhaseResolution": 1,
  "PixelBandwidth": 2290,
  "ProcedureStepDescription": "Investigators^Winawer",
  "ProtocolName": "cmrr_mbepi_s6_2mm_66sl_PA_task-wedgering3",
  "PulseSequenceDetails": "%CustomerSeq%\\cmrr_mbep2d_bold",
  "ReceiveCoilActiveElements": "HC1-7",
  "ReceiveCoilName": "HeadNeck_64",
  "ReconMatrixPE": 104,
  "RepetitionTime": 1,
  "SAR": 0.0806832,
  "ScanOptions": "FS",
  "ScanningSequence": "EP",
  "SequenceName": "epfid2d1_104",
  "SequenceVariant": "SK\\SS",
  "SeriesDescription": "cmrr_mbepi_s6_2mm_66sl_PA_task-wedgering3",
  "SeriesNumber": 18,
  "ShimSetting": [286, -12681, -8496, 331, 26, -284, 55, 43],
  "SliceThickness": 2,
  "SliceTiming": [0, 0.535, 0.09, 0.625, 0.1775, 0.7125, 0.2675, 0.8025, 0.3575, 0.8925, 0.445, 0, 0.535, 0.09, 0.625, 0.1775, 0.7125, 0.2675, 0.8025, 0.3575, 0.8925, 0.445, 0, 0.535, 0.09, 0.625, 0.1775, 0.7125, 0.2675, 0.8025, 0.3575, 0.8925, 0.445, 0, 0.535, 0.09, 0.625, 0.1775, 0.7125, 0.2675, 0.8025, 0.3575, 0.8925, 0.445, 0, 0.535, 0.09, 0.625, 0.1775, 0.7125, 0.2675, 0.8025, 0.3575, 0.8925, 0.445, 0, 0.535, 0.09, 0.625, 0.1775, 0.7125, 0.2675, 0.8025, 0.3575, 0.8925, 0.445],
  "SoftwareVersions": "syngo MR E11",
  "SpacingBetweenSlices": 2,
  "StationName": "AWP166018",
  "TaskName": "wedgering3",
  "TotalReadoutTime": 0.060771,
  "TxRefAmp": 231.141,
  "VendorReportedEchoSpacing": 0.00059,
  "WipMemBlock": "7618f70b-8185-4de7-88b5-9f82c06d4081||Sequence: R016 ve11c/master r/8780670; Nov 27 2017 15:05:12 by eja",
  "dcmmeta_affine": [
    [-1.9988038539886475, -0.03907688334584236, -0.057064443826675415, 107.35331726074219],
    [-0.029977994039654732, 1.9766091108322144, -0.30350935459136963, -73.12496948242188],
    [-0.062327150255441666, 0.30247247219085693, 1.9760125875473022, -52.24968719482422],
    [0.0, 0.0, 0.0, 1.0]
],
  "dcmmeta_reorient_transform": [
    [0.0, -1.0, 0.0, 103.0],
    [1.0, 0.0, 0.0, 0.0],
    [0.0, 0.0, 1.0, 0.0],
    [0.0, 0.0, 0.0, 1.0]
],
  "dcmmeta_shape": [104, 104, 66, 300],
  "dcmmeta_slice_dim": 2,
  "dcmmeta_version": 0.6,
  "global": {
    "const": {
      "AccessionNumber": "Leydr9sw",
      "AcquisitionMatrix": [104, 0, 0, 104],
      "AngioFlag": "N",
      "BitsAllocated": 16,
      "BitsStored": 16,
      "BodyPartExamined": "BRAIN",
      "Columns": 936,
      "EchoNumbers": 1,
      "EchoTime": 37.6,
      "EchoTrainLength": 104,
      "FlipAngle": 68.0,
      "HighBit": 15,
      "ImageOrientationPatient": [0.99940190191451, 0.01498899661776, -0.0311635753734, -0.0195384412433, 0.98830453211312, -0.1512362427411],
      "ImagePositionPatient": [-918.57480005361, -965.20597859462, 130.66162785698],
      "ImageType": [
        "ORIGINAL",
        "PRIMARY",
        "M",
        "MB",
        "ND",
        "MOSAIC"
],
      "ImagedNucleus": "1H",
      "ImagingFrequency": 123.196813,
      "InPlanePhaseEncodingDirection": "COL",
      "MRAcquisitionType": "2D",
      "MagneticFieldStrength": 3.0,
      "Manufacturer": "SIEMENS",
      "ManufacturerModelName": "Prisma",
      "Modality": "MR",
      "NumberOfAverages": 1.0,
      "NumberOfPhaseEncodingSteps": 104,
      "PercentPhaseFieldOfView": 100.0,
      "PercentSampling": 100.0,
      "PerformedProcedureStepStartTime": "140815.730000",
      "PhotometricInterpretation": "MONOCHROME2",
      "PixelBandwidth": 2290.0,
      "PixelRepresentation": 0,
      "PixelSpacing": [2.0, 2.0],
      "ProtocolName": "cmrr_mbepi_s6_2mm_66sl_PA_task-wedgering3",
      "RepetitionTime": 1000.0,
      "Rows": 936,
      "SAR": 0.08068318966693,
      "SamplesPerPixel": 1,
      "ScanOptions": "FS",
      "ScanningSequence": "EP",
      "SequenceName": "epfid2d1_104",
      "SequenceVariant": [
        "SK",
        "SS"
],
      "SeriesDescription": "cmrr_mbepi_s6_2mm_66sl_PA_task-wedgering3",
      "SeriesNumber": 18,
      "SeriesTime": "150256.683000",
      "SliceLocation": -43.588991853533,
      "SliceThickness": 2.0,
      "SmallestImagePixelValue": 0,
      "SoftwareVersions": "syngo MR E11",
      "SpacingBetweenSlices": 1.9999999544444,
      "SpecificCharacterSet": "ISO_IR 100",
      "StudyID": "1",
      "StudyTime": "140815.631000",
      "TransmitCoilName": "Body",
      "VariableFlipAngleFlag": "N",
      "WindowCenterWidthExplanation": "Algo1",
      "dBdt": 0.0},
