{
  "AcquisitionMatrixPE": 300,
  "AcquisitionNumber": 1,
  "AcquisitionTime": "17:36:33.730000",
  "BaseResolution": 320,
  "BodyPartExamined": "BRAIN",
  "ConsistencyInfo": "N4_VE11C_LATEST_20160120",
  "ConversionSoftware": "dcm2niix",
  "ConversionSoftwareVersion": "v1.0.20210317",
  "DeviceSerialNumber": "166018",
  "DwellTime": 7.4e-06,
  "EchoTime": 0.00224,
  "FlipAngle": 8,
  "ImageOrientationPatientDICOM": [-0.0352185, 0.97043, -0.238799, 0.0341719, -0.237638, -0.970752],
  "ImageType": [
    "ORIGINAL",
    "PRIMARY",
    "M",
    "ND",
    "NORM"
],
  "ImagingFrequency": 123.197,
  "InPlanePhaseEncodingDirectionDICOM": "ROW",
  "InstitutionAddress": "Washington Place 6,NYC,NYC,US,10003",
  "InstitutionName": "NYU - CBI",
  "InstitutionalDepartmentName": "Department",
  "InversionTime": 1.06,
  "MRAcquisitionType": "3D",
  "MagneticFieldStrength": 3,
  "Manufacturer": "Siemens",
  "ManufacturersModelName": "Prisma",
  "Modality": "MR",
  "ParallelReductionFactorInPlane": 2,
  "PartialFourier": 1,
  "PatientPosition": "HFS",
  "PercentPhaseFOV": 93.75,
  "PercentSampling": 100,
  "PhaseEncodingSteps": 299,
  "PhaseResolution": 1,
  "PixelBandwidth": 210,
  "ProcedureStepDescription": "Investigators^Winawer",
  "ProtocolName": "T1_MPRAGE",
  "PulseSequenceDetails": "%SiemensSeq%\\tfl",
  "ReceiveCoilActiveElements": "HC1-7;NC1,2",
  "ReceiveCoilName": "HeadNeck_64",
  "ReconMatrixPE": 300,
  "RefLinesPE": 32,
  "RepetitionTime": 2.4,
  "SAR": 0.0526045,
  "ScanOptions": "IR",
  "ScanningSequence": "GR\\IR",
  "SequenceName": "*tfl3d1_16ns",
  "SequenceVariant": "SK\\SP\\MP",
  "SeriesDescription": "T1_MPRAGE",
  "SeriesNumber": 19,
  "ShimSetting": [292, -12633, -8749, -48, -6, -25, -12, 27],
  "SliceThickness": 0.8,
  "SoftwareVersions": "syngo MR E11",
  "StationName": "AWP166018",
  "TxRefAmp": 230.983,
  "dcmmeta_affine": [
    [0.7990362048149109, -0.02817481756210327, 0.02733754925429821, -77.08760070800781],
    [0.033878955990076065, 0.7763441205024719, -0.19011054933071136, -63.84409713745117],
    [-0.019833771511912346, 0.19103921949863434, 0.7766019701957703, -152.89202880859375],
    [0.0, 0.0, 0.0, 1.0]
],
  "dcmmeta_reorient_transform": [
    [0.0, 0.0, -1.0, 319.0],
    [0.0, -1.0, 0.0, 299.0],
    [-1.0, 0.0, 0.0, 191.0],
    [0.0, 0.0, 0.0, 1.0]
],
  "dcmmeta_shape": [192, 300, 320],
  "dcmmeta_slice_dim": 0,
  "dcmmeta_version": 0.6,
  "global": {
    "const": {
      "AccessionNumber": "LfbLcsgL",
      "AcquisitionMatrix": [0, 320, 300, 0],
      "AcquisitionNumber": 1,
      "AcquisitionTime": "173633.730000",
      "AngioFlag": "N",
      "BitsAllocated": 16,
      "BitsStored": 12,
      "BodyPartExamined": "BRAIN",
      "Columns": 300,
      "EchoNumbers": 1,
      "EchoTime": 2.24,
      "EchoTrainLength": 1,
      "FlipAngle": 8.0,
      "HighBit": 11,
      "ImageOrientationPatient": [-0.0352185218749, 0.97043015471075, -0.238799017052, 0.03417193665398, -0.2376381768324, -0.9707524790888],
      "ImageType": [
        "ORIGINAL",
        "PRIMARY",
        "M",
        "ND",
        "NORM"
],
      "ImagedNucleus": "1H",
      "ImagingFrequency": 123.196876,
      "InPlanePhaseEncodingDirection": "ROW",
      "InversionTime": 1060.0,
      "MRAcquisitionType": "3D",
      "MagneticFieldStrength": 3.0,
      "Manufacturer": "SIEMENS",
      "ManufacturerModelName": "Prisma",
      "Modality": "MR",
      "NumberOfAverages": 1.0,
      "NumberOfPhaseEncodingSteps": 299,
      "PercentPhaseFieldOfView": 93.75,
      "PercentSampling": 100.0,
      "PerformedProcedureStepStartTime": "163533.754000",
      "PhotometricInterpretation": "MONOCHROME2",
      "PixelBandwidth": 210.0,
      "PixelRepresentation": 0,
      "PixelSpacing": [0.80000001192093, 0.80000001192093],
      "ProtocolName": "T1_MPRAGE",
      "RepetitionTime": 2400.0,
      "Rows": 320,
      "SAR": 0.05260450394177,
      "SamplesPerPixel": 1,
      "ScanOptions": "IR",
      "ScanningSequence": [
        "GR",
        "IR"
],
      "SequenceName": "*tfl3d1_16ns",
      "SequenceVariant": [
        "SK",
        "SP",
        "MP"
],
      "SeriesDescription": "T1_MPRAGE",
      "SeriesNumber": 19,
      "SeriesTime": "174319.201000",
      "SliceThickness": 0.80000001192093,
      "SmallestImagePixelValue": 0,
      "SoftwareVersions": "syngo MR E11",
      "SpecificCharacterSet": "ISO_IR 100",
      "StudyID": "1",
      "StudyTime": "163533.680000",
      "TransmitCoilName": "Body",
      "VariableFlipAngleFlag": "N",
      "WindowCenterWidthExplanation": "Algo1",
      "dBdt": 0.0},
