{
  "AcquisitionMatrixPE": 104,
  "AcquisitionNumber": 1,
  "AcquisitionTime": "14:40:30.197500",
  "BandwidthPerPixelPhaseEncode": 16.297,
  "BaseResolution": 104,
  "BodyPartExamined": "BRAIN",
  "ConsistencyInfo": "N4_VE11C_LATEST_20160120",
  "ConversionSoftware": "dcm2niix",
  "ConversionSoftwareVersion": "v1.0.20210317",
  "DerivedVendorReportedEchoSpacing": 0.000590009,
  "DeviceSerialNumber": "166018",
  "DwellTime": 2.1e-06,
  "EchoTime": 0.0512,
  "EchoTrainLength": 91,
  "EffectiveEchoSpacing": 0.000590009,
  "FlipAngle": 90,
  "ImageOrientationPatientDICOM": [0.999725, 0.0231718, 0.00356194, -0.0223378, 0.987615, -0.155299],
  "ImageType": [
    "ORIGINAL",
    "PRIMARY",
    "M",
    "ND",
    "MOSAIC"
],
  "ImagingFrequency": 123.197,
  "InPlanePhaseEncodingDirectionDICOM": "COL",
  "InstitutionAddress": "Washington Place 6,NYC,NYC,US,10003",
  "InstitutionName": "NYU - CBI",
  "InstitutionalDepartmentName": "Department",
  "IntendedFor": [
    "ses-nyu3t01/func/sub-wlsubj150_ses-nyu3t01_task-bar1_bold.nii.gz",
    "ses-nyu3t01/func/sub-wlsubj150_ses-nyu3t01_task-bar2_bold.nii.gz",
    "ses-nyu3t01/func/sub-wlsubj150_ses-nyu3t01_task-bar3_bold.nii.gz",
    "ses-nyu3t01/func/sub-wlsubj150_ses-nyu3t01_task-wedgering1_bold.nii.gz",
    "ses-nyu3t01/func/sub-wlsubj150_ses-nyu3t01_task-wedgering2_bold.nii.gz",
    "ses-nyu3t01/func/sub-wlsubj150_ses-nyu3t01_task-wedgering3_bold.nii.gz"
],
  "MRAcquisitionType": "2D",
  "MagneticFieldStrength": 3,
  "Manufacturer": "Siemens",
  "ManufacturersModelName": "Prisma",
  "Modality": "MR",
  "PartialFourier": 0.875,
  "PatientPosition": "HFS",
  "PercentPhaseFOV": 100,
  "PercentSampling": 100,
  "PhaseEncodingDirection": "j",
  "PhaseEncodingSteps": 91,
  "PhaseResolution": 1,
  "PixelBandwidth": 2290,
  "ProcedureStepDescription": "Investigators^Winawer",
  "ProtocolName": "FMRI_DISTORTION_PA_2mm_66sl",
  "PulseSequenceDetails": "%CustomerSeq%\\cmrr_mbep2d_se",
  "ReceiveCoilActiveElements": "HC1-7",
  "ReceiveCoilName": "HeadNeck_64",
  "ReconMatrixPE": 104,
  "RepetitionTime": 6.35,
  "SAR": 0.177496,
  "ScanOptions": "PFP\\FS",
  "ScanningSequence": "EP",
  "SequenceName": "epse2d1_104",
  "SequenceVariant": "SK",
  "SeriesDescription": "FMRI_DISTORTION_PA_2mm_66sl",
  "SeriesNumber": 6,
  "ShimSetting": [311, -12527, -8503, 393, 47, 115, -115, -19],
  "SliceThickness": 2,
  "SliceTiming": [3.165, 0, 3.26, 0.0975, 3.3575, 0.1925, 3.4525, 0.2875, 3.55, 0.385, 3.645, 0.48, 3.74, 0.575, 3.8375, 0.6725, 3.9325, 0.7675, 4.0275, 0.8625, 4.125, 0.96, 4.22, 1.055, 4.315, 1.1525, 4.4125, 1.2475, 4.5075, 1.3425, 4.605, 1.44, 4.7, 1.535, 4.795, 1.63, 4.8925, 1.7275, 4.9875, 1.8225, 5.0825, 1.9175, 5.18, 2.015, 5.275, 2.11, 5.37, 2.2075, 5.4675, 2.3025, 5.5625, 2.3975, 5.6575, 2.495, 5.755, 2.59, 5.85, 2.685, 5.9475, 2.7825, 6.0425, 2.8775, 6.1375, 2.9725, 6.235, 3.07],
  "SoftwareVersions": "syngo MR E11",
  "SpacingBetweenSlices": 2,
  "StationName": "AWP166018",
  "TotalReadoutTime": 0.060771,
  "TxRefAmp": 226.467,
  "WipMemBlock": "e83161d3-f2ad-41c0-8e46-7dfe71dcec84||Sequence: R016 ve11c/master r/8780670; Nov 27 2017 15:08:10 by eja",
  "dcmmeta_affine": [
    [-1.9994503259658813, -0.04467553272843361, 0.014232752844691277, 108.60820770263672],
    [-0.04634355381131172, 1.9752298593521118, -0.3103536069393158, -69.26798248291016],
    [0.007123873103410006, 0.31059810519218445, 1.9757221937179565, -61.64011001586914],
    [0.0, 0.0, 0.0, 1.0]
],
  "dcmmeta_reorient_transform": [
    [0.0, -1.0, 0.0, 103.0],
    [1.0, 0.0, 0.0, 0.0],
    [0.0, 0.0, 1.0, 0.0],
    [0.0, 0.0, 0.0, 1.0]
],
  "dcmmeta_shape": [104, 104, 66, 3],
  "dcmmeta_slice_dim": 2,
  "dcmmeta_version": 0.6,
  "global": {
    "const": {
      "AccessionNumber": "Lesyk7be",
      "AcquisitionMatrix": [104, 0, 0, 104],
      "AngioFlag": "N",
      "BitsAllocated": 16,
      "BitsStored": 16,
      "BodyPartExamined": "BRAIN",
      "Columns": 936,
      "EchoNumbers": 1,
      "EchoTime": 51.2,
      "EchoTrainLength": 91,
      "FlipAngle": 90.0,
      "HighBit": 15,
      "ImageOrientationPatient": [0.99972515292378, 0.02317177636514, 0.00356193649675, -0.0223377661658, 0.98761491952668, -0.1552990500004],
      "ImagePositionPatient": [-917.19293522255, -975.15522529969, 96.596773352983],
      "ImageType": [
        "ORIGINAL",
        "PRIMARY",
        "M",
        "ND",
        "MOSAIC"
],
      "ImagedNucleus": "1H",
      "ImagingFrequency": 123.196859,
      "InPlanePhaseEncodingDirection": "COL",
      "LargestImagePixelValue": 65535,
      "MRAcquisitionType": "2D",
      "MagneticFieldStrength": 3.0,
      "Manufacturer": "SIEMENS",
      "ManufacturerModelName": "Prisma",
      "Modality": "MR",
      "NumberOfAverages": 1.0,
      "NumberOfPhaseEncodingSteps": 91,
      "PercentPhaseFieldOfView": 100.0,
      "PercentSampling": 100.0,
      "PerformedProcedureStepStartTime": "143710.221000",
      "PhotometricInterpretation": "MONOCHROME2",
      "PixelBandwidth": 2290.0,
      "PixelRepresentation": 0,
      "PixelSpacing": [2.0, 2.0],
      "ProtocolName": "FMRI_DISTORTION_PA_2mm_66sl",
      "RepetitionTime": 6350.0,
      "Rows": 936,
      "SAR": 0.17749605073248,
      "SamplesPerPixel": 1,
      "ScanOptions": [
        "PFP",
        "FS"
],
      "ScanningSequence": "EP",
      "SequenceName": "epse2d1_104",
      "SequenceVariant": "SK",
      "SeriesDescription": "FMRI_DISTORTION_PA_2mm_66sl",
      "SeriesNumber": 6,
      "SeriesTime": "144046.888000",
      "SliceLocation": -49.370184857626,
      "SliceThickness": 2.0,
      "SmallestImagePixelValue": 0,
      "SoftwareVersions": "syngo MR E11",
      "SpacingBetweenSlices": 1.9999999851331,
      "SpecificCharacterSet": "ISO_IR 100",
      "StudyID": "1",
      "StudyTime": "143710.077000",
      "TransmitCoilName": "Body",
      "VariableFlipAngleFlag": "N",
      "WindowCenterWidthExplanation": "Algo1",
      "dBdt": 0.0},
    "slices": {}
  },
  "time": {
    "samples": {
      "AcquisitionNumber": [1, 2, 3],
      "AcquisitionTime": ["144030.197500", "144036.547500", "144042.897500"],
      "ContentTime": ["144046.892000", "144046.896000", "144046.899000"],
      "InstanceCreationTime": ["144046.892000", "144046.896000", "144046.899000"],
      "InstanceNumber": [1, 2, 3],
      "WindowCenter": [13789.0, 13797.0, 13778.0],
      "WindowWidth": [31046.0, 31080.0, 31013.0]
    },
    "slices": {}
  }
}