{
  "AcquisitionMatrixPE": 104,
  "AcquisitionNumber": 1,
  "AcquisitionTime": "11:01:12.055000",
  "BandwidthPerPixelPhaseEncode": 16.297,
  "BaseResolution": 104,
  "BodyPartExamined": "BRAIN",
  "CoilString": "HC2_4_6_7;NC2",
  "ConsistencyInfo": "N4_VE11C_LATEST_20160120",
  "ConversionSoftware": "dcm2niix",
  "ConversionSoftwareVersion": "v1.0.20190902",
  "DerivedVendorReportedEchoSpacing": 0.000590009,
  "DeviceSerialNumber": "166018",
  "DwellTime": 2.1e-06,
  "EchoTime": 0.0512,
  "EchoTrainLength": 91,
  "EffectiveEchoSpacing": 0.000590009,
  "FlipAngle": 90,
  "ImageOrientationPatientDICOM": [0.994735, 0.0983649, 0.0287476, -0.0858036, 0.952809, -0.291193],
  "ImageType": [
    "ORIGINAL",
    "PRIMARY",
    "M",
    "ND",
    "MOSAIC"
],
  "ImagingFrequency": 123.191,
  "InPlanePhaseEncodingDirectionDICOM": "COL",
  "InstitutionAddress": "Washington_Place_6_NYC_NYC_US_10003",
  "InstitutionName": "NYU_-_CBI",
  "InstitutionalDepartmentName": "Department",
  "MRAcquisitionType": "2D",
  "MagneticFieldStrength": 3,
  "Manufacturer": "Siemens",
  "ManufacturersModelName": "Prisma",
  "Modality": "MR",
  "PartialFourier": 0.875,
  "PatientPosition": "HFS",
  "PercentPhaseFOV": 100,
  "PhaseEncodingDirection": "j",
  "PhaseEncodingSteps": 91,
  "PhaseResolution": 1,
  "PixelBandwidth": 2290,
  "ProcedureStepDescription": "Investigators_Winawer",
  "ProtocolName": "FMRI_DISTORTION_PA_2mm_66sl",
  "PulseSequenceDetails": "%CustomerSeq%_cmrr_mbep2d_se",
  "ReceiveCoilActiveElements": "HC2,4,6,7;NC2",
  "ReceiveCoilName": "HeadNeck_64",
  "ReconMatrixPE": 104,
  "RepetitionTime": 6.35,
  "SAR": 0.149042,
  "ScanOptions": "PFP_FS",
  "ScanningSequence": "EP",
  "SequenceName": "epse2d1_104",
  "SequenceVariant": "SK",
  "SeriesDescription": "FMRI_DISTORTION_PA_2mm_66sl",
  "SeriesNumber": 16,
  "ShimSetting": [244, -12647, -8398, 668, -53, -67, -38, 2],
  "SliceThickness": 2,
  "SliceTiming": [3.165, 0, 3.2625, 0.0975, 3.3575, 0.1925, 3.4525, 0.2875, 3.55, 0.385, 3.645, 0.48, 3.74, 0.575, 3.8375, 0.6725, 3.9325, 0.7675, 4.0275, 0.865, 4.125, 0.96, 4.22, 1.055, 4.315, 1.1525, 4.4125, 1.2475, 4.5075, 1.3425, 4.605, 1.44, 4.7, 1.535, 4.795, 1.63, 4.8925, 1.7275, 4.9875, 1.8225, 5.0825, 1.9175, 5.18, 2.015, 5.275, 2.11, 5.37, 2.2075, 5.4675, 2.3025, 5.5625, 2.3975, 5.66, 2.495, 5.755, 2.59, 5.85, 2.685, 5.9475, 2.7825, 6.0425, 2.8775, 6.1375, 2.9725, 6.235, 3.07],
  "SoftwareVersions": "syngo_MR_E11",
  "SpacingBetweenSlices": 2,
  "StationName": "AWP166018",
  "TotalReadoutTime": 0.060771,
  "TxRefAmp": 205.051,
  "WipMemBlock": "22b492b8-da62-4758-a2bc-841169e22406||Sequence: R016 ve11c/master r/8780670; Nov 27 2017 15:08:10 by eja",
  "dcmmeta_affine": [
    [-1.9894702434539795, -0.1716071516275406, 0.11206832528114319, 116.50248718261719],
    [-0.19672980904579163, 1.905617356300354, -0.5743865966796875, -58.07652282714844],
    [0.057495247572660446, 0.5823861360549927, 1.9124644994735718, -86.4813461303711],
    [0.0, 0.0, 0.0, 1.0]
],
  "dcmmeta_reorient_transform": [
    [0.0, -1.0, 0.0, 103.0],
    [1.0, 0.0, 0.0, 0.0],
    [0.0, 0.0, 1.0, 0.0],
    [0.0, 0.0, 0.0, 1.0]
],
  "dcmmeta_shape": [104, 104, 66, 3],
  "dcmmeta_slice_dim": 2,
  "dcmmeta_version": 0.6,
  "global": {
    "const": {
      "AccessionNumber": "K37FHWMX",
      "AcquisitionMatrix": [104, 0, 0, 104],
      "AngioFlag": "N",
      "BitsAllocated": 16,
      "BitsStored": 16,
      "BodyPartExamined": "BRAIN",
      "Columns": 936,
      "EchoNumbers": 1,
      "EchoTime": 51.2,
      "EchoTrainLength": 91,
      "FlipAngle": 90.0,
      "HighBit": 15,
      "ImageOrientationPatient": [0.99473510022019, 0.09836490489372, 0.02874762381807, -0.0858035725128, 0.95280866484505, -0.2911930547596],
      "ImagePositionPatient": [-855.05798608695, -1012.7784718803, 191.85902162791],
      "ImageType": [
        "ORIGINAL",
        "PRIMARY",
        "M",
        "ND",
        "MOSAIC"
],
      "ImagedNucleus": "1H",
      "ImagingFrequency": 123.190785,
      "InPlanePhaseEncodingDirection": "COL",
      "LargestImagePixelValue": 65535,
      "MRAcquisitionType": "2D",
      "MagneticFieldStrength": 3.0,
      "Manufacturer": "SIEMENS",
      "ManufacturerModelName": "Prisma",
      "Modality": "MR",
      "NumberOfAverages": 1.0,
      "NumberOfPhaseEncodingSteps": 91,
      "PercentPhaseFieldOfView": 100.0,
      "PercentSampling": 100.0,
      "PerformedProcedureStepStartTime": "102817.231000",
      "PhotometricInterpretation": "MONOCHROME2",
      "PixelBandwidth": 2290.0,
      "PixelRepresentation": 0,
      "PixelSpacing": [2.0, 2.0],
      "ProtocolName": "FMRI_DISTORTION_PA_2mm_66sl",
      "RepetitionTime": 6350.0,
      "Rows": 936,
      "SAR": 0.14904214441148,
      "SamplesPerPixel": 1,
      "ScanOptions": [
        "PFP",
        "FS"
],
      "ScanningSequence": "EP",
      "SequenceName": "epse2d1_104",
      "SequenceVariant": "SK",
      "SeriesDescription": "FMRI_DISTORTION_PA_2mm_66sl",
      "SeriesNumber": 16,
      "SeriesTime": "110128.119000",
      "SliceLocation": -59.488947094744,
      "SliceThickness": 2.0,
      "SmallestImagePixelValue": 0,
      "SoftwareVersions": "syngo MR E11",
      "SpacingBetweenSlices": 1.9999999913544,
      "SpecificCharacterSet": "ISO_IR 100",
      "StudyID": "1",
      "StudyTime": "102817.072000",
      "TransmitCoilName": "Body",
      "VariableFlipAngleFlag": "N",
      "WindowCenterWidthExplanation": "Algo1",
      "dBdt": 0.0},
    "slices": {}
  },
  "time": {
    "samples": {
      "AcquisitionNumber": [1, 2, 3],
      "AcquisitionTime": ["110112.055000", "110118.405000", "110124.755000"],
      "ContentTime": ["110128.123000", "110128.126000", "110128.130000"],
      "InstanceCreationTime": ["110128.123000", "110128.126000", "110128.130000"],
      "InstanceNumber": [1, 2, 3],
      "WindowCenter": [11822.0, 11833.0, 11837.0],
      "WindowWidth": [26062.0, 26095.0, 26108.0]
    },
    "slices": {}
  },
  "IntendedFor": [
    "ses-nyu3t01/func/sub-wlsubj116_ses-nyu3t01_task-prf_acq-PA_run-01_bold.nii.gz",
    "ses-nyu3t01/func/sub-wlsubj116_ses-nyu3t01_task-prf_acq-PA_run-01_sbref.nii.gz",
    "ses-nyu3t01/func/sub-wlsubj116_ses-nyu3t01_task-prf_acq-PA_run-02_bold.nii.gz",
    "ses-nyu3t01/func/sub-wlsubj116_ses-nyu3t01_task-prf_acq-PA_run-02_sbref.nii.gz",
    "ses-nyu3t01/func/sub-wlsubj116_ses-nyu3t01_task-prf_acq-PA_run-03_bold.nii.gz",
    "ses-nyu3t01/func/sub-wlsubj116_ses-nyu3t01_task-prf_acq-PA_run-03_sbref.nii.gz",
    "ses-nyu3t01/func/sub-wlsubj116_ses-nyu3t01_task-prf_acq-PA_run-04_bold.nii.gz",
    "ses-nyu3t01/func/sub-wlsubj116_ses-nyu3t01_task-prf_acq-PA_run-04_sbref.nii.gz"
  ]
}