{
  "AcquisitionMatrixPE": 104,
  "AcquisitionNumber": 1,
  "AcquisitionTime": "13:32:25.077500",
  "BandwidthPerPixelPhaseEncode": 16.297,
  "BaseResolution": 104,
  "BodyPartExamined": "BRAIN",
  "ConsistencyInfo": "N4_VE11C_LATEST_20160120",
  "ConversionSoftware": "dcm2niix",
  "ConversionSoftwareVersion": "v1.0.20190902",
  "DerivedVendorReportedEchoSpacing": 0.000590009,
  "DeviceSerialNumber": "166018",
  "DwellTime": 2.1e-06,
  "EchoTime": 0.0512,
  "EchoTrainLength": 91,
  "EffectiveEchoSpacing": 0.000590009,
  "FlipAngle": 90,
  "ImageOrientationPatientDICOM": [0.995554, 0.0645202, -0.0686182, -0.0769534, 0.97726, -0.19759],
  "ImageType": [
    "ORIGINAL",
    "PRIMARY",
    "M",
    "ND",
    "MOSAIC"
],
  "ImagingFrequency": 123.191,
  "InPlanePhaseEncodingDirectionDICOM": "COL",
  "InstitutionAddress": "Washington_Place_6_NYC_NYC_US_10003",
  "InstitutionName": "NYU_-_CBI",
  "InstitutionalDepartmentName": "Department",
  "MRAcquisitionType": "2D",
  "MagneticFieldStrength": 3,
  "Manufacturer": "Siemens",
  "ManufacturersModelName": "Prisma",
  "Modality": "MR",
  "PartialFourier": 0.875,
  "PatientPosition": "HFS",
  "PercentPhaseFOV": 100,
  "PhaseEncodingDirection": "j",
  "PhaseEncodingSteps": 91,
  "PhaseResolution": 1,
  "PixelBandwidth": 2290,
  "ProcedureStepDescription": "Investigators_Winawer",
  "ProtocolName": "FMRI_DISTORTION_PA_2mm_66sl",
  "PulseSequenceDetails": "%CustomerSeq%_cmrr_mbep2d_se",
  "ReceiveCoilActiveElements": "HC1-7",
  "ReceiveCoilName": "HeadNeck_64",
  "ReconMatrixPE": 104,
  "RepetitionTime": 6.35,
  "SAR": 0.220028,
  "ScanOptions": "PFP_FS",
  "ScanningSequence": "EP",
  "SequenceName": "epse2d1_104",
  "SequenceVariant": "SK",
  "SeriesDescription": "FMRI_DISTORTION_PA_2mm_66sl",
  "SeriesNumber": 12,
  "ShimSetting": [231, -12585, -8463, 401, -12, -194, 23, 27],
  "SliceThickness": 2,
  "SliceTiming": [3.165, 0, 3.2625, 0.0975, 3.3575, 0.1925, 3.4525, 0.29, 3.55, 0.385, 3.645, 0.48, 3.7425, 0.5775, 3.8375, 0.6725, 3.9325, 0.7675, 4.03, 0.865, 4.125, 0.96, 4.22, 1.055, 4.3175, 1.1525, 4.4125, 1.2475, 4.5075, 1.345, 4.605, 1.44, 4.7, 1.535, 4.795, 1.6325, 4.8925, 1.7275, 4.9875, 1.8225, 5.085, 1.92, 5.18, 2.015, 5.275, 2.11, 5.3725, 2.2075, 5.4675, 2.3025, 5.5625, 2.3975, 5.66, 2.495, 5.755, 2.59, 5.85, 2.6875, 5.9475, 2.7825, 6.0425, 2.8775, 6.14, 2.975, 6.235, 3.07],
  "SoftwareVersions": "syngo_MR_E11",
  "SpacingBetweenSlices": 2,
  "StationName": "AWP166018",
  "TotalReadoutTime": 0.060771,
  "TxRefAmp": 271.107,
  "WipMemBlock": "0ac363a8-a8cf-4df4-9584-943a5e4b61f7||Sequence: R016 ve11c/master r/8780670; Nov 27 2017 15:08:10 by eja",
  "dcmmeta_affine": [
    [-1.9911088943481445, -0.15390674769878387, -0.10861846804618835, 114.90558624267578],
    [-0.1290404498577118, 1.954519271850586, -0.4039839208126068, -68.88261413574219],
    [-0.13723637163639069, 0.3951798975467682, 1.9557604789733887, -60.4350471496582],
    [0.0, 0.0, 0.0, 1.0]
],
  "dcmmeta_reorient_transform": [
    [0.0, -1.0, 0.0, 103.0],
    [1.0, 0.0, 0.0, 0.0],
    [0.0, 0.0, 1.0, 0.0],
    [0.0, 0.0, 0.0, 1.0]
],
  "dcmmeta_shape": [104, 104, 66, 3],
  "dcmmeta_slice_dim": 2,
  "dcmmeta_version": 0.6,
  "global": {
    "const": {
      "AccessionNumber": "jxweL473",
      "AcquisitionMatrix": [104, 0, 0, 104],
      "AngioFlag": "N",
      "BitsAllocated": 16,
      "BitsStored": 16,
      "BodyPartExamined": "BRAIN",
      "Columns": 936,
      "EchoNumbers": 1,
      "EchoTime": 51.2,
      "EchoTrainLength": 91,
      "FlipAngle": 90.0,
      "HighBit": 15,
      "ImageOrientationPatient": [0.99555446120522, 0.0645202274782, -0.0686181828712, -0.0769533761215, 0.97725963343646, -0.1975899459971],
      "ImagePositionPatient": [-863.32929168096, -999.19371646346, 201.75364477183],
      "ImageType": [
        "ORIGINAL",
        "PRIMARY",
        "M",
        "ND",
        "MOSAIC"
],
      "ImagedNucleus": "1H",
      "ImagingFrequency": 123.191082,
      "InPlanePhaseEncodingDirection": "COL",
      "LargestImagePixelValue": 65535,
      "MRAcquisitionType": "2D",
      "MagneticFieldStrength": 3.0,
      "Manufacturer": "SIEMENS",
      "ManufacturerModelName": "Prisma",
      "Modality": "MR",
      "NumberOfAverages": 1.0,
      "NumberOfPhaseEncodingSteps": 91,
      "PercentPhaseFieldOfView": 100.0,
      "PercentSampling": 100.0,
      "PerformedProcedureStepStartTime": "131535.069000",
      "PhotometricInterpretation": "MONOCHROME2",
      "PixelBandwidth": 2290.0,
      "PixelRepresentation": 0,
      "PixelSpacing": [2.0, 2.0],
      "ProtocolName": "FMRI_DISTORTION_PA_2mm_66sl",
      "RepetitionTime": 6350.0,
      "Rows": 936,
      "SAR": 0.22002848049926,
      "SamplesPerPixel": 1,
      "ScanOptions": [
        "PFP",
        "FS"
],
      "ScanningSequence": "EP",
      "SequenceName": "epse2d1_104",
      "SequenceVariant": "SK",
      "SeriesDescription": "FMRI_DISTORTION_PA_2mm_66sl",
      "SeriesNumber": 12,
      "SeriesTime": "133241.891000",
      "SliceLocation": -51.424939053249,
      "SliceThickness": 2.0,
      "SmallestImagePixelValue": 0,
      "SoftwareVersions": "syngo MR E11",
      "SpacingBetweenSlices": 2.0000000124456,
      "SpecificCharacterSet": "ISO_IR 100",
      "StudyID": "1",
      "StudyTime": "131534.955000",
      "TransmitCoilName": "Body",
      "VariableFlipAngleFlag": "N",
      "WindowCenterWidthExplanation": "Algo1",
      "dBdt": 0.0},
    "slices": {}
  },
  "time": {
    "samples": {
      "AcquisitionNumber": [1, 2, 3],
      "AcquisitionTime": ["133225.077500", "133231.427500", "133237.777500"],
      "ContentTime": ["133241.895000", "133241.899000", "133241.902000"],
      "InstanceCreationTime": ["133241.895000", "133241.899000", "133241.902000"],
      "InstanceNumber": [1, 2, 3],
      "WindowCenter": [12773.0, 12771.0, 12780.0],
      "WindowWidth": [28268.0, 28255.0, 28276.0]
    },
    "slices": {}
  },
  "IntendedFor": [
    "ses-nyu3t01/func/sub-wlsubj105_ses-nyu3t01_task-prf_acq-PA_run-01_bold.nii.gz",
    "ses-nyu3t01/func/sub-wlsubj105_ses-nyu3t01_task-prf_acq-PA_run-01_sbref.nii.gz",
    "ses-nyu3t01/func/sub-wlsubj105_ses-nyu3t01_task-prf_acq-PA_run-02_bold.nii.gz",
    "ses-nyu3t01/func/sub-wlsubj105_ses-nyu3t01_task-prf_acq-PA_run-02_sbref.nii.gz",
    "ses-nyu3t01/func/sub-wlsubj105_ses-nyu3t01_task-prf_acq-PA_run-03_bold.nii.gz",
    "ses-nyu3t01/func/sub-wlsubj105_ses-nyu3t01_task-prf_acq-PA_run-03_sbref.nii.gz",
    "ses-nyu3t01/func/sub-wlsubj105_ses-nyu3t01_task-prf_acq-PA_run-04_bold.nii.gz",
    "ses-nyu3t01/func/sub-wlsubj105_ses-nyu3t01_task-prf_acq-PA_run-04_sbref.nii.gz",
    "ses-nyu3t01/func/sub-wlsubj105_ses-nyu3t01_task-prf_acq-PA_run-05_bold.nii.gz",
    "ses-nyu3t01/func/sub-wlsubj105_ses-nyu3t01_task-prf_acq-PA_run-05_sbref.nii.gz"
  ]
}