{
  "AcquisitionMatrixPE": 104,
  "AcquisitionNumber": 1,
  "AcquisitionTime": "19:24:13.455000",
  "BandwidthPerPixelPhaseEncode": 16.297,
  "BaseResolution": 104,
  "BodyPartExamined": "BRAIN",
  "ConsistencyInfo": "N4_VE11C_LATEST_20160120",
  "ConversionSoftware": "dcm2niix",
  "ConversionSoftwareVersion": "v1.0.20190902",
  "DerivedVendorReportedEchoSpacing": 0.000590009,
  "DeviceSerialNumber": "166018",
  "DwellTime": 2.1e-06,
  "EchoTime": 0.0376,
  "EchoTrainLength": 104,
  "EffectiveEchoSpacing": 0.000590009,
  "FlipAngle": 68,
  "ImageComments": "Single-band_reference",
  "ImageOrientationPatientDICOM": [0.99982, -0.0125353, -0.0142533, 0.0111685, 0.995675, -0.0922301],
  "ImageType": [
    "ORIGINAL",
    "PRIMARY",
    "M",
    "ND",
    "MOSAIC"
],
  "ImagingFrequency": 123.197,
  "InPlanePhaseEncodingDirectionDICOM": "COL",
  "InstitutionAddress": "Washington_Place_6_NYC_NYC_US_10003",
  "InstitutionName": "NYU_-_CBI",
  "InstitutionalDepartmentName": "Department",
  "MRAcquisitionType": "2D",
  "MagneticFieldStrength": 3,
  "Manufacturer": "Siemens",
  "ManufacturersModelName": "Prisma",
  "Modality": "MR",
  "PartialFourier": 1,
  "PatientPosition": "HFS",
  "PercentPhaseFOV": 100,
  "PhaseEncodingDirection": "j",
  "PhaseEncodingSteps": 104,
  "PhaseResolution": 1,
  "PixelBandwidth": 2290,
  "ProcedureStepDescription": "Investigators_Winawer",
  "ProtocolName": "cmrr_mbepi_s6_2mm_66sl_PA_task-prf",
  "PulseSequenceDetails": "%CustomerSeq%_cmrr_mbep2d_bold",
  "ReceiveCoilActiveElements": "HC1-7",
  "ReceiveCoilName": "HeadNeck_64",
  "ReconMatrixPE": 104,
  "RepetitionTime": 1,
  "SAR": 0.0646521,
  "ScanOptions": "FS",
  "ScanningSequence": "EP",
  "SequenceName": "epfid2d1_104",
  "SequenceVariant": "SK_SS",
  "SeriesDescription": "cmrr_mbepi_s6_2mm_66sl_PA_task-prf_SBRef",
  "SeriesNumber": 11,
  "ShimSetting": [285, -12614, -8462, 344, 17, -70, 37, 72],
  "SliceThickness": 2,
  "SliceTiming": [0, 0.09, 0.1775, 0.2675, 0.3575, 0.445, 0.535, 0.6225, 0.7125, 0.8025, 0.89, 0.98, 1.07, 1.1575, 1.2475, 1.335, 1.425, 1.515, 1.6025, 1.6925, 1.7825, 1.87, 1.96, 2.05, 2.1375, 2.2275, 2.315, 2.405, 2.495, 2.5825, 2.6725, 2.7625, 2.85, 2.94, 3.03, 3.1175, 3.2075, 3.295, 3.385, 3.475, 3.5625, 3.6525, 3.7425, 3.83, 3.92, 4.0075, 4.0975, 4.1875, 4.275, 4.365, 4.455, 4.5425, 4.6325, 4.7225, 4.81, 4.9, 4.9875, 5.0775, 5.1675, 5.255, 5.345, 5.435, 5.5225, 5.6125, 5.7, 5.79],
  "SoftwareVersions": "syngo_MR_E11",
  "SpacingBetweenSlices": 2,
  "StationName": "AWP166018",
  "TaskName": "prf",
  "TotalReadoutTime": 0.060771,
  "TxRefAmp": 206.58,
  "VendorReportedEchoSpacing": 0.00059,
  "WipMemBlock": "e08fe50f-6a08-4b97-99c7-510ed046b681||Sequence: R016 ve11c/master r/8780670; Nov 27 2017 15:05:12 by eja",
  "dcmmeta_affine": [
    [-1.999639630317688, 0.022337082773447037, -0.0306955985724926, 104.43843841552734],
    [0.025070656090974808, 1.9913501739501953, -0.18410862982273102, -73.31676483154297],
    [-0.02850661799311638, 0.18446023762226105, 1.9912714958190918, -51.61579895019531],
    [0.0, 0.0, 0.0, 1.0]
],
  "dcmmeta_reorient_transform": [
    [0.0, -1.0, 0.0, 103.0],
    [1.0, 0.0, 0.0, 0.0],
    [0.0, 0.0, 1.0, 0.0],
    [0.0, 0.0, 0.0, 1.0]
],
  "dcmmeta_shape": [104, 104, 66],
  "dcmmeta_slice_dim": 2,
  "dcmmeta_version": 0.6,
  "global": {
    "const": {
      "AccessionNumber": "L80dmaio",
      "AcquisitionMatrix": [104, 0, 0, 104],
      "AcquisitionNumber": 1,
      "AcquisitionTime": "192413.455000",
      "AngioFlag": "N",
      "BitsAllocated": 16,
      "BitsStored": 16,
      "BodyPartExamined": "BRAIN",
      "Columns": 936,
      "ContentTime": "192549.322000",
      "EchoNumbers": 1,
      "EchoTime": 37.6,
      "EchoTrainLength": 104,
      "FlipAngle": 68.0,
      "HighBit": 15,
      "ImageOrientationPatient": [0.99981983813936, -0.0125353278327, -0.0142533090581, 0.01116854137735, 0.99567508229194, -0.0922301153986],
      "ImagePositionPatient": [-947.88148665289, -949.76457700428, 55.97781527806],
      "ImageType": [
        "ORIGINAL",
        "PRIMARY",
        "M",
        "ND",
        "MOSAIC"
],
      "ImagedNucleus": "1H",
      "ImagingFrequency": 123.196836,
      "InPlanePhaseEncodingDirection": "COL",
      "InstanceCreationTime": "192549.322000",
      "InstanceNumber": 1,
      "LargestImagePixelValue": 65535,
      "MRAcquisitionType": "2D",
      "MagneticFieldStrength": 3.0,
      "Manufacturer": "SIEMENS",
      "ManufacturerModelName": "Prisma",
      "Modality": "MR",
      "NumberOfAverages": 1.0,
      "NumberOfPhaseEncodingSteps": 104,
      "PercentPhaseFieldOfView": 100.0,
      "PercentSampling": 100.0,
      "PerformedProcedureStepStartTime": "184723.689000",
      "PhotometricInterpretation": "MONOCHROME2",
      "PixelBandwidth": 2290.0,
      "PixelRepresentation": 0,
      "PixelSpacing": [2.0, 2.0],
      "ProtocolName": "cmrr_mbepi_s6_2mm_66sl_PA_task-prf",
      "RepetitionTime": 1000.0,
      "Rows": 936,
      "SAR": 0.06465207866915,
      "SamplesPerPixel": 1,
      "ScanOptions": "FS",
      "ScanningSequence": "EP",
      "SequenceName": "epfid2d1_104",
      "SequenceVariant": [
        "SK",
        "SS"
],
      "SeriesDescription": "cmrr_mbepi_s6_2mm_66sl_PA_task-prf_SBRef",
      "SeriesNumber": 11,
      "SeriesTime": "192549.318000",
      "SliceLocation": -46.244306719308,
      "SliceThickness": 2.0,
      "SmallestImagePixelValue": 0,
      "SoftwareVersions": "syngo MR E11",
      "SpacingBetweenSlices": 2.0000000420824,
      "SpecificCharacterSet": "ISO_IR 100",
      "StudyID": "1",
      "StudyTime": "184723.598000",
      "TransmitCoilName": "Body",
      "VariableFlipAngleFlag": "N",
      "WindowCenter": 12582.0,
      "WindowCenterWidthExplanation": "Algo1",
      "WindowWidth": 27462.0,
      "dBdt": 0.0},
    "slices": {}
  }
}