{
  "AcquisitionMatrixPE": 300,
  "AcquisitionNumber": 1,
  "AcquisitionTime": "11:08:18.407500",
  "BaseResolution": 320,
  "BodyPartExamined": "BRAIN",
  "ConsistencyInfo": "N4_VE11C_LATEST_20160120",
  "ConversionSoftware": "dcm2niix",
  "ConversionSoftwareVersion": "v1.0.20200331",
  "DeviceSerialNumber": "166018",
  "DwellTime": 7.4e-06,
  "EchoTime": 0.00224,
  "FlipAngle": 8,
  "ImageOrientationPatientDICOM": [0.00196337, 0.999994, -0.00296349, 0.048684, -0.00305556, -0.99881],
  "ImageType": [
    "ORIGINAL",
    "PRIMARY",
    "M",
    "ND",
    "NORM"
],
  "ImagingFrequency": 123.191,
  "InPlanePhaseEncodingDirectionDICOM": "ROW",
  "InstitutionAddress": "Washington_Place_6_NYC_NYC_US_10003",
  "InstitutionName": "NYU_-_CBI",
  "InstitutionalDepartmentName": "Department",
  "InversionTime": 1.06,
  "MRAcquisitionType": "3D",
  "MagneticFieldStrength": 3,
  "Manufacturer": "Siemens",
  "ManufacturersModelName": "Prisma",
  "Modality": "MR",
  "ParallelReductionFactorInPlane": 2,
  "PartialFourier": 1,
  "PatientPosition": "HFS",
  "PercentPhaseFOV": 93.75,
  "PercentSampling": 100,
  "PhaseEncodingSteps": 299,
  "PhaseResolution": 1,
  "PixelBandwidth": 210,
  "ProcedureStepDescription": "Investigators_Winawer",
  "ProtocolName": "T1_MPRAGE",
  "PulseSequenceDetails": "%SiemensSeq%_tfl",
  "ReceiveCoilActiveElements": "HC1-7;NC1",
  "ReceiveCoilName": "HeadNeck_64",
  "ReconMatrixPE": 300,
  "RefLinesPE": 32,
  "RepetitionTime": 2.4,
  "SAR": 0.0395493,
  "ScanOptions": "IR",
  "ScanningSequence": "GR_IR",
  "SequenceName": "_tfl3d1_16ns",
  "SequenceVariant": "SK_SP_MP",
  "SeriesDescription": "T1_MPRAGE",
  "SeriesNumber": 27,
  "ShimSetting": [253, -12690, -8543, -20, -76, -359, 36, 16],
  "SliceThickness": 0.8,
  "SoftwareVersions": "syngo_MR_E11",
  "StationName": "AWP166018",
  "TxRefAmp": 199.303,
  "dcmmeta_affine": [
    [0.7990498542785645, 0.001570697408169508, 0.03894716128706932, -81.37679290771484],
    [-0.0014534081565216184, 0.799994945526123, -0.002444450045004487, -91.8138656616211],
    [-0.03895171731710434, 0.0023707891814410686, 0.7990476489067078, -119.38230895996094],
    [0.0, 0.0, 0.0, 1.0]
],
  "dcmmeta_reorient_transform": [
    [0.0, 0.0, -1.0, 319.0],
    [0.0, -1.0, 0.0, 299.0],
    [-1.0, 0.0, 0.0, 191.0],
    [0.0, 0.0, 0.0, 1.0]
],
  "dcmmeta_shape": [192, 300, 320],
  "dcmmeta_slice_dim": 0,
  "dcmmeta_version": 0.6,
  "global": {
    "const": {
      "AccessionNumber": "kh26bq36",
      "AcquisitionMatrix": [0, 320, 300, 0],
      "AcquisitionNumber": 1,
      "AcquisitionTime": "110818.407500",
      "AngioFlag": "N",
      "BitsAllocated": 16,
      "BitsStored": 12,
      "BodyPartExamined": "BRAIN",
      "Columns": 300,
      "EchoNumbers": 1,
      "EchoTime": 2.24,
      "EchoTrainLength": 1,
      "FlipAngle": 8.0,
      "HighBit": 11,
      "ImageOrientationPatient": [0.00196337167991, 0.99999368143975, -0.0029634864968, 0.04868395221809, -0.0030555626425, -0.9988095595925],
      "ImageType": [
        "ORIGINAL",
        "PRIMARY",
        "M",
        "ND",
        "NORM"
],
      "ImagedNucleus": "1H",
      "ImagingFrequency": 123.190706,
      "InPlanePhaseEncodingDirection": "ROW",
      "InversionTime": 1060.0,
      "MRAcquisitionType": "3D",
      "MagneticFieldStrength": 3.0,
      "Manufacturer": "SIEMENS",
      "ManufacturerModelName": "Prisma",
      "Modality": "MR",
      "NumberOfAverages": 1.0,
      "NumberOfPhaseEncodingSteps": 299,
      "PercentPhaseFieldOfView": 93.75,
      "PercentSampling": 100.0,
      "PerformedProcedureStepStartTime": "095140.540000",
      "PhotometricInterpretation": "MONOCHROME2",
      "PixelBandwidth": 210.0,
      "PixelRepresentation": 0,
      "PixelSpacing": [0.80000001192093, 0.80000001192093],
      "ProtocolName": "T1_MPRAGE",
      "RepetitionTime": 2400.0,
      "Rows": 320,
      "SAR": 0.03954926806752,
      "SamplesPerPixel": 1,
      "ScanOptions": "IR",
      "ScanningSequence": [
        "GR",
        "IR"
],
      "SequenceName": "*tfl3d1_16ns",
      "SequenceVariant": [
        "SK",
        "SP",
        "MP"
],
      "SeriesDescription": "T1_MPRAGE",
      "SeriesNumber": 27,
      "SeriesTime": "111509.712000",
      "SliceThickness": 0.80000001192093,
      "SmallestImagePixelValue": 0,
      "SoftwareVersions": "syngo MR E11",
      "SpecificCharacterSet": "ISO_IR 100",
      "StudyID": "1",
      "StudyTime": "095140.416000",
      "TransmitCoilName": "Body",
      "VariableFlipAngleFlag": "N",
      "WindowCenterWidthExplanation": "Algo1",
      "dBdt": 0.0},
