{
  "AcquisitionMatrixPE": 104,
  "AcquisitionNumber": 1,
  "AcquisitionTime": "14:46:44.177500",
  "BandwidthPerPixelPhaseEncode": 15.024,
  "BaseResolution": 104,
  "BodyPartExamined": "BRAIN",
  "ConsistencyInfo": "N4_VE11C_LATEST_20160120",
  "ConversionSoftware": "dcm2niix",
  "ConversionSoftwareVersion": "v1.0.20210317",
  "DerivedVendorReportedEchoSpacing": 0.000640002,
  "DeviceSerialNumber": "166018",
  "DwellTime": 2.5e-06,
  "EchoTime": 0.0718,
  "EchoTrainLength": 104,
  "EffectiveEchoSpacing": 0.000640002,
  "FlipAngle": 90,
  "ImageOrientationPatientDICOM": [0.998853, 0.0367761, -0.0306654, -0.0448336, 0.943193, -0.329206],
  "ImageType": [
    "ORIGINAL",
    "PRIMARY",
    "M",
    "ND",
    "MOSAIC"
],
  "ImagingFrequency": 123.191,
  "InPlanePhaseEncodingDirectionDICOM": "COL",
  "InstitutionAddress": "Washington Place 6,NYC,NYC,US,10003",
  "InstitutionName": "NYU - CBI",
  "InstitutionalDepartmentName": "Department",
  "MRAcquisitionType": "2D",
  "MagneticFieldStrength": 3,
  "Manufacturer": "Siemens",
  "ManufacturersModelName": "Prisma",
  "Modality": "MR",
  "PartialFourier": 1,
  "PatientPosition": "HFS",
  "PercentPhaseFOV": 100,
  "PercentSampling": 100,
  "PhaseEncodingDirection": "j-",
  "PhaseEncodingSteps": 104,
  "PhaseResolution": 1,
  "PixelBandwidth": 1925,
  "ProcedureStepDescription": "Investigators^Curtis",
  "ProtocolName": "SE_DISTORTION_AP",
  "PulseSequenceDetails": "%CustomerSeq%\\cmrr_mbep2d_se",
  "ReceiveCoilActiveElements": "HC1-7;NC1,2",
  "ReceiveCoilName": "HeadNeck_64",
  "ReconMatrixPE": 104,
  "RepetitionTime": 6.69,
  "SAR": 0.112123,
  "ScanOptions": "FS",
  "ScanningSequence": "EP",
  "SequenceName": "epse2d1_104",
  "SequenceVariant": "SK",
  "SeriesDescription": "SE_DISTORTION_AP",
  "SeriesNumber": 7,
  "ShimSetting": [266, -12603, -8389, 427, 59, -59, 70, 1],
  "SliceThickness": 2,
  "SliceTiming": [3.335, 0, 3.455, 0.12, 3.5725, 0.2375, 3.6925, 0.3575, 3.8125, 0.4775, 3.93, 0.595, 4.05, 0.715, 4.1675, 0.835, 4.2875, 0.9525, 4.4075, 1.0725, 4.525, 1.19, 4.645, 1.31, 4.765, 1.43, 4.8825, 1.5475, 5.0025, 1.6675, 5.1225, 1.7875, 5.24, 1.905, 5.36, 2.025, 5.4775, 2.145, 5.5975, 2.2625, 5.7175, 2.3825, 5.835, 2.5, 5.955, 2.62, 6.075, 2.74, 6.1925, 2.8575, 6.3125, 2.9775, 6.4325, 3.0975, 6.55, 3.215],
  "SoftwareVersions": "syngo MR E11",
  "SpacingBetweenSlices": 2,
  "StationName": "AWP166018",
  "TotalReadoutTime": 0.0659202,
  "TxRefAmp": 209.357,
  "VendorReportedEchoSpacing": 0.00064,
  "WipMemBlock": "c7454892-990e-44c0-bc67-4502005136bf||Sequence: R016 ve11c/master r/8780670; Nov 27 2017 15:08:10 by eja",
  "dcmmeta_affine": [
    [-1.9977058172225952, -0.08966723084449768, -0.033632975071668625, 107.3835220336914],
    [-0.073552206158638, 1.8863866329193115, -0.6604053974151611, -67.03545379638672],
    [-0.06133076176047325, 0.6584110260009766, 1.887520432472229, -41.96942901611328],
    [0.0, 0.0, 0.0, 1.0]
],
  "dcmmeta_reorient_transform": [
    [0.0, -1.0, 0.0, 103.0],
    [1.0, 0.0, 0.0, 0.0],
    [0.0, 0.0, 1.0, 0.0],
    [0.0, 0.0, 0.0, 1.0]
],
  "dcmmeta_shape": [104, 104, 56, 3],
  "dcmmeta_slice_dim": 2,
  "dcmmeta_version": 0.6,
  "global": {
    "const": {
      "AccessionNumber": "kirL8wec",
      "AcquisitionMatrix": [104, 0, 0, 104],
      "AngioFlag": "N",
      "BitsAllocated": 16,
      "BitsStored": 16,
      "BodyPartExamined": "BRAIN",
      "Columns": 832,
      "EchoNumbers": 1,
      "EchoTime": 71.8,
      "EchoTrainLength": 104,
      "FlipAngle": 90.0,
      "HighBit": 15,
      "ImageOrientationPatient": [0.99885291846543, 0.03677610190287, -0.0306653811639, -0.0448336146422, 0.94319334234976, -0.3292055071611],
      "ImagePositionPatient": [-792.67384782068, -840.6801281553, 287.83291294873],
      "ImageType": [
        "ORIGINAL",
        "PRIMARY",
        "M",
        "ND",
        "MOSAIC"
],
      "ImagedNucleus": "1H",
      "ImagingFrequency": 123.190611,
      "InPlanePhaseEncodingDirection": "COL",
      "LargestImagePixelValue": 65535,
      "MRAcquisitionType": "2D",
      "MagneticFieldStrength": 3.0,
      "Manufacturer": "SIEMENS",
      "ManufacturerModelName": "Prisma",
      "Modality": "MR",
      "NumberOfAverages": 1.0,
      "NumberOfPhaseEncodingSteps": 104,
      "PercentPhaseFieldOfView": 100.0,
      "PercentSampling": 100.0,
      "PerformedProcedureStepStartTime": "143930.799000",
      "PhotometricInterpretation": "MONOCHROME2",
      "PixelBandwidth": 1925.0,
      "PixelRepresentation": 0,
      "PixelSpacing": [2.0, 2.0],
      "ProtocolName": "SE_DISTORTION_AP",
      "RepetitionTime": 6690.0,
      "Rows": 832,
      "SAR": 0.11212276912607,
      "SamplesPerPixel": 1,
      "ScanOptions": "FS",
      "ScanningSequence": "EP",
      "SequenceName": "epse2d1_104",
      "SequenceVariant": "SK",
      "SeriesDescription": "SE_DISTORTION_AP",
      "SeriesNumber": 7,
      "SeriesTime": "144701.217000",
      "SliceLocation": -19.279600898729,
      "SliceThickness": 2.0,
      "SmallestImagePixelValue": 0,
      "SoftwareVersions": "syngo MR E11",
      "SpacingBetweenSlices": 1.999999947909,
      "SpecificCharacterSet": "ISO_IR 100",
      "StudyID": "1",
      "StudyTime": "143930.610000",
      "TransmitCoilName": "Body",
      "VariableFlipAngleFlag": "N",
      "WindowCenterWidthExplanation": "Algo1",
      "dBdt": 0.0},
    "slices": {}
  },
  "time": {
    "samples": {
      "AcquisitionNumber": [1, 2, 3],
      "AcquisitionTime": ["144644.177500", "144650.867500", "144657.557500"],
      "ContentTime": ["144701.221000", "144701.225000", "144701.228000"],
      "InstanceCreationTime": ["144701.221000", "144701.225000", "144701.228000"],
      "InstanceNumber": [1, 2, 3],
      "WindowCenter": [11557.0, 11546.0, 11544.0],
      "WindowWidth": [24567.0, 24545.0, 24542.0]
    },
    "slices": {}
  }
}