{
  "AcquisitionMatrixPE": 104,
  "AcquisitionNumber": 1,
  "AcquisitionTime": "10:56:34.080000",
  "BandwidthPerPixelPhaseEncode": 16.297,
  "BaseResolution": 104,
  "BodyPartExamined": "BRAIN",
  "ConsistencyInfo": "N4_VE11C_LATEST_20160120",
  "ConversionSoftware": "dcm2niix",
  "ConversionSoftwareVersion": "v1.0.20190902",
  "DerivedVendorReportedEchoSpacing": 0.000590009,
  "DeviceSerialNumber": "166018",
  "DwellTime": 2.1e-06,
  "EchoTime": 0.0512,
  "EchoTrainLength": 91,
  "EffectiveEchoSpacing": 0.000590009,
  "FlipAngle": 90,
  "ImageOrientationPatientDICOM": [0.994144, 0.0339182, 0.102598, -0.00451135, 0.961661, -0.274205],
  "ImageType": [
    "ORIGINAL",
    "PRIMARY",
    "M",
    "ND",
    "MOSAIC"
],
  "ImagingFrequency": 123.191,
  "InPlanePhaseEncodingDirectionDICOM": "COL",
  "InstitutionAddress": "Washington_Place_6_NYC_NYC_US_10003",
  "InstitutionName": "NYU_Center_for_Brain_Imaging",
  "InstitutionalDepartmentName": "Department",
  "MRAcquisitionType": "2D",
  "MagneticFieldStrength": 3,
  "Manufacturer": "Siemens",
  "ManufacturersModelName": "Prisma",
  "Modality": "MR",
  "PartialFourier": 0.875,
  "PatientPosition": "HFS",
  "PercentPhaseFOV": 100,
  "PhaseEncodingDirection": "j-",
  "PhaseEncodingSteps": 91,
  "PhaseResolution": 1,
  "PixelBandwidth": 2290,
  "ProcedureStepDescription": "Investigators_Winawer",
  "ProtocolName": "FMRI_DISTORTION_AP_2mm_66sl",
  "PulseSequenceDetails": "%CustomerSeq%_cmrr_mbep2d_se",
  "ReceiveCoilActiveElements": "HC1-7",
  "ReceiveCoilName": "HeadNeck_64",
  "ReconMatrixPE": 104,
  "RepetitionTime": 6.35,
  "SAR": 0.137342,
  "ScanOptions": "PFP_FS",
  "ScanningSequence": "EP",
  "SequenceName": "epse2d1_104",
  "SequenceVariant": "SK",
  "SeriesDescription": "FMRI_DISTORTION_AP_2mm_66sl",
  "SeriesNumber": 12,
  "ShimSetting": [277, -12559, -8497, 408, 22, -254, -26, -22],
  "SliceThickness": 2,
  "SliceTiming": [3.1625, 0, 3.26, 0.095, 3.355, 0.19, 3.4525, 0.2875, 3.5475, 0.3825, 3.6425, 0.4775, 3.74, 0.575, 3.835, 0.67, 3.93, 0.765, 4.0275, 0.8625, 4.1225, 0.9575, 4.2175, 1.055, 4.315, 1.15, 4.41, 1.245, 4.5075, 1.3425, 4.6025, 1.4375, 4.6975, 1.5325, 4.795, 1.63, 4.89, 1.725, 4.985, 1.82, 5.0825, 1.9175, 5.1775, 2.0125, 5.2725, 2.11, 5.37, 2.205, 5.465, 2.3, 5.56, 2.3975, 5.6575, 2.4925, 5.7525, 2.5875, 5.85, 2.685, 5.945, 2.78, 6.04, 2.875, 6.1375, 2.9725, 6.2325, 3.0675],
  "SoftwareVersions": "syngo_MR_E11",
  "SpacingBetweenSlices": 2,
  "StationName": "AWP166018",
  "TotalReadoutTime": 0.060771,
  "TxRefAmp": 233.532,
  "WipMemBlock": "b7a2946a-c91f-45ef-adf8-d08ea2f248f3||Sequence: ve11c/master r/ab69a6c; Apr 19 2017 10:08:21 by eja",
  "dcmmeta_affine": [
    [-1.9882889986038208, -0.009022703394293785, 0.21592943370342255, 104.51261138916016],
    [-0.06783630698919296, 1.92332124710083, -0.5442732572555542, -63.26611328125],
    [0.20519542694091797, 0.5484102368354797, 1.9123653173446655, -95.48660278320312],
    [0.0, 0.0, 0.0, 1.0]
],
  "dcmmeta_reorient_transform": [
    [0.0, -1.0, 0.0, 103.0],
    [1.0, 0.0, 0.0, 0.0],
    [0.0, 0.0, 1.0, 0.0],
    [0.0, 0.0, 0.0, 1.0]
],
  "dcmmeta_shape": [104, 104, 66, 3],
  "dcmmeta_slice_dim": 2,
  "dcmmeta_version": 0.6,
  "global": {
    "const": {
      "AccessionNumber": "j94ds9yy",
      "AcquisitionMatrix": [104, 0, 0, 104],
      "AngioFlag": "N",
      "BitsAllocated": 16,
      "BitsStored": 16,
      "BodyPartExamined": "BRAIN",
      "Columns": 936,
      "EchoNumbers": 1,
      "EchoTime": 51.2,
      "EchoTrainLength": 91,
      "FlipAngle": 90.0,
      "HighBit": 15,
      "ImageOrientationPatient": [0.99414449035672, 0.03391815247823, 0.1025977155001, -0.0045113515335, 0.9616606512737, -0.2742051048015],
      "ImagePositionPatient": [-926.95804376744, -963.15754621574, 103.77699365049],
      "ImageType": [
        "ORIGINAL",
        "PRIMARY",
        "M",
        "ND",
        "MOSAIC"
],
      "ImagedNucleus": "1H",
      "ImagingFrequency": 123.191212,
      "InPlanePhaseEncodingDirection": "COL",
      "LargestImagePixelValue": 65535,
      "MRAcquisitionType": "2D",
      "MagneticFieldStrength": 3.0,
      "Manufacturer": "SIEMENS",
      "ManufacturerModelName": "Prisma",
      "Modality": "MR",
      "NumberOfAverages": 1.0,
      "NumberOfPhaseEncodingSteps": 91,
      "PercentPhaseFieldOfView": 100.0,
      "PercentSampling": 100.0,
      "PerformedProcedureStepStartTime": "101656.538000",
      "PhotometricInterpretation": "MONOCHROME2",
      "PixelBandwidth": 2290.0,
      "PixelRepresentation": 0,
      "PixelSpacing": [2.0, 2.0],
      "ProtocolName": "FMRI_DISTORTION_AP_2mm_66sl",
      "RepetitionTime": 6350.0,
      "Rows": 936,
      "SAR": 0.13734181742146,
      "SamplesPerPixel": 1,
      "ScanOptions": [
        "PFP",
        "FS"
],
      "ScanningSequence": "EP",
      "SequenceName": "epse2d1_104",
      "SequenceVariant": "SK",
      "SeriesDescription": "FMRI_DISTORTION_AP_2mm_66sl",
      "SeriesNumber": 12,
      "SeriesTime": "105650.678000",
      "SliceLocation": -62.801934570049,
      "SliceThickness": 2.0,
      "SmallestImagePixelValue": 0,
      "SoftwareVersions": "syngo MR E11",
      "SpacingBetweenSlices": 2.0000000112041,
      "SpecificCharacterSet": "ISO_IR 100",
      "StudyID": "1",
      "StudyTime": "101656.462000",
      "TransmitCoilName": "Body",
      "VariableFlipAngleFlag": "N",
      "WindowCenterWidthExplanation": "Algo1",
      "dBdt": 0.0},
    "slices": {}
  },
  "time": {
    "samples": {
      "AcquisitionNumber": [1, 2, 3],
      "AcquisitionTime": ["105634.080000", "105640.430000", "105646.780000"],
      "ContentTime": ["105650.682000", "105650.686000", "105650.689000"],
      "InstanceCreationTime": ["105650.682000", "105650.686000", "105650.689000"],
      "InstanceNumber": [1, 2, 3],
      "WindowCenter": [13715.0, 13711.0, 13711.0],
      "WindowWidth": [30033.0, 30022.0, 30027.0]
    },
    "slices": {}
  },
  "IntendedFor": [
    "ses-nyu3t01/func/sub-wlsubj045_ses-nyu3t01_task-prf_acq-PA_run-01_bold.nii.gz",
    "ses-nyu3t01/func/sub-wlsubj045_ses-nyu3t01_task-prf_acq-PA_run-01_sbref.nii.gz",
    "ses-nyu3t01/func/sub-wlsubj045_ses-nyu3t01_task-prf_acq-PA_run-02_bold.nii.gz",
    "ses-nyu3t01/func/sub-wlsubj045_ses-nyu3t01_task-prf_acq-PA_run-02_sbref.nii.gz",
    "ses-nyu3t01/func/sub-wlsubj045_ses-nyu3t01_task-prf_acq-PA_run-03_bold.nii.gz",
    "ses-nyu3t01/func/sub-wlsubj045_ses-nyu3t01_task-prf_acq-PA_run-03_sbref.nii.gz",
    "ses-nyu3t01/func/sub-wlsubj045_ses-nyu3t01_task-prf_acq-PA_run-04_bold.nii.gz",
    "ses-nyu3t01/func/sub-wlsubj045_ses-nyu3t01_task-prf_acq-PA_run-04_sbref.nii.gz",
    "ses-nyu3t01/func/sub-wlsubj045_ses-nyu3t01_task-prf_acq-PA_run-05_bold.nii.gz",
    "ses-nyu3t01/func/sub-wlsubj045_ses-nyu3t01_task-prf_acq-PA_run-05_sbref.nii.gz",
    "ses-nyu3t01/func/sub-wlsubj045_ses-nyu3t01_task-prf_acq-PA_run-06_bold.nii.gz",
    "ses-nyu3t01/func/sub-wlsubj045_ses-nyu3t01_task-prf_acq-PA_run-06_sbref.nii.gz",
    "ses-nyu3t01/func/sub-wlsubj045_ses-nyu3t01_task-prf_acq-PA_run-07_bold.nii.gz",
    "ses-nyu3t01/func/sub-wlsubj045_ses-nyu3t01_task-prf_acq-PA_run-07_sbref.nii.gz",
    "ses-nyu3t01/func/sub-wlsubj045_ses-nyu3t01_task-prf_acq-PA_run-08_bold.nii.gz",
    "ses-nyu3t01/func/sub-wlsubj045_ses-nyu3t01_task-prf_acq-PA_run-08_sbref.nii.gz",
    "ses-nyu3t01/func/sub-wlsubj045_ses-nyu3t01_task-prf_acq-PA_run-09_bold.nii.gz",
    "ses-nyu3t01/func/sub-wlsubj045_ses-nyu3t01_task-prf_acq-PA_run-09_sbref.nii.gz",
    "ses-nyu3t01/func/sub-wlsubj045_ses-nyu3t01_task-prf_acq-PA_run-10_bold.nii.gz",
    "ses-nyu3t01/func/sub-wlsubj045_ses-nyu3t01_task-prf_acq-PA_run-10_sbref.nii.gz",
    "ses-nyu3t01/func/sub-wlsubj045_ses-nyu3t01_task-prf_acq-PA_run-11_bold.nii.gz",
    "ses-nyu3t01/func/sub-wlsubj045_ses-nyu3t01_task-prf_acq-PA_run-11_sbref.nii.gz",
    "ses-nyu3t01/func/sub-wlsubj045_ses-nyu3t01_task-prf_acq-PA_run-12_bold.nii.gz",
    "ses-nyu3t01/func/sub-wlsubj045_ses-nyu3t01_task-prf_acq-PA_run-12_sbref.nii.gz"
  ]
}