{
  "AcquisitionMatrixPE": 104,
  "AcquisitionNumber": 1,
  "AcquisitionTime": "09:13:20.782500",
  "BandwidthPerPixelPhaseEncode": 16.297,
  "BaseResolution": 104,
  "BodyPartExamined": "BRAIN",
  "ConsistencyInfo": "N4_VE11C_LATEST_20160120",
  "ConversionSoftware": "dcm2niix",
  "ConversionSoftwareVersion": "v1.0.20210317",
  "DerivedVendorReportedEchoSpacing": 0.000590009,
  "DeviceSerialNumber": "166018",
  "DwellTime": 2.1e-06,
  "EchoTime": 0.0376,
  "EchoTrainLength": 104,
  "EffectiveEchoSpacing": 0.000590009,
  "FlipAngle": 68,
  "ImageComments": "Single-band reference",
  "ImageOrientationPatientDICOM": [0.998714, 0.0431945, 0.0265297, -0.0306879, 0.931754, -0.36179],
  "ImageType": [
    "ORIGINAL",
    "PRIMARY",
    "M",
    "ND",
    "MOSAIC"
],
  "ImagingFrequency": 123.197,
  "InPlanePhaseEncodingDirectionDICOM": "COL",
  "InstitutionAddress": "Washington Place 6,NYC,NYC,US,10003",
  "InstitutionName": "NYU - CBI",
  "InstitutionalDepartmentName": "Department",
  "MRAcquisitionType": "2D",
  "MagneticFieldStrength": 3,
  "Manufacturer": "Siemens",
  "ManufacturersModelName": "Prisma",
  "Modality": "MR",
  "PartialFourier": 1,
  "PatientPosition": "HFS",
  "PercentPhaseFOV": 100,
  "PercentSampling": 100,
  "PhaseEncodingDirection": "j",
  "PhaseEncodingSteps": 104,
  "PhaseResolution": 1,
  "PixelBandwidth": 2290,
  "ProcedureStepDescription": "Investigators^Winawer",
  "ProtocolName": "cmrr_mbepi_s6_2mm_66sl_PA_task-bar2",
  "PulseSequenceDetails": "%CustomerSeq%\\cmrr_mbep2d_bold",
  "ReceiveCoilActiveElements": "HC1-7",
  "ReceiveCoilName": "HeadNeck_64",
  "ReconMatrixPE": 104,
  "RepetitionTime": 1,
  "SAR": 0.0759194,
  "ScanOptions": "FS",
  "ScanningSequence": "EP",
  "SequenceName": "epfid2d1_104",
  "SequenceVariant": "SK\\SS",
  "SeriesDescription": "cmrr_mbepi_s6_2mm_66sl_PA_task-bar2_SBRef",
  "SeriesNumber": 13,
  "ShimSetting": [277, -12625, -8483, 442, -38, -145, -93, 56],
  "SliceThickness": 2,
  "SliceTiming": [0, 0.0875, 0.1775, 0.2675, 0.355, 0.445, 0.5325, 0.6225, 0.7125, 0.8, 0.89, 0.98, 1.0675, 1.1575, 1.245, 1.335, 1.425, 1.5125, 1.6025, 1.6925, 1.78, 1.87, 1.96, 2.0475, 2.1375, 2.225, 2.315, 2.405, 2.4925, 2.5825, 2.6725, 2.76, 2.85, 2.9375, 3.0275, 3.1175, 3.205, 3.295, 3.385, 3.4725, 3.5625, 3.6525, 3.74, 3.83, 3.9175, 4.0075, 4.0975, 4.185, 4.275, 4.365, 4.4525, 4.5425, 4.6325, 4.72, 4.81, 4.8975, 4.9875, 5.0775, 5.165, 5.255, 5.345, 5.4325, 5.5225, 5.61, 5.7, 5.79],
  "SoftwareVersions": "syngo MR E11",
  "SpacingBetweenSlices": 2,
  "StationName": "AWP166018",
  "TaskName": "bar2",
  "TotalReadoutTime": 0.060771,
  "TxRefAmp": 222.816,
  "VendorReportedEchoSpacing": 0.00059,
  "WipMemBlock": "8ae98c19-8df5-4917-9b76-97454303a6dd||Sequence: R016 ve11c/master r/8780670; Nov 27 2017 15:05:12 by eja"
}