{
  "AcquisitionMatrixPE": 104,
  "AcquisitionNumber": 1,
  "AcquisitionTime": "11:41:32.342500",
  "BandwidthPerPixelPhaseEncode": 16.297,
  "BaseResolution": 104,
  "BodyPartExamined": "BRAIN",
  "ConsistencyInfo": "N4_VE11C_LATEST_20160120",
  "ConversionSoftware": "dcm2niix",
  "ConversionSoftwareVersion": "v1.0.20210317",
  "DerivedVendorReportedEchoSpacing": 0.000590009,
  "DeviceSerialNumber": "166018",
  "DwellTime": 2.1e-06,
  "EchoTime": 0.0376,
  "EchoTrainLength": 104,
  "EffectiveEchoSpacing": 0.000590009,
  "FlipAngle": 68,
  "ImageComments": "Single-band reference",
  "ImageOrientationPatientDICOM": [0.99898, -0.0439155, 0.0105375, 0.0444898, 0.997055, -0.0624653],
  "ImageType": [
    "ORIGINAL",
    "PRIMARY",
    "M",
    "ND",
    "MOSAIC"
],
  "ImagingFrequency": 123.197,
  "InPlanePhaseEncodingDirectionDICOM": "COL",
  "InstitutionAddress": "Washington Place 6,NYC,NYC,US,10003",
  "InstitutionName": "NYU - CBI",
  "InstitutionalDepartmentName": "Department",
  "MRAcquisitionType": "2D",
  "MagneticFieldStrength": 3,
  "Manufacturer": "Siemens",
  "ManufacturersModelName": "Prisma",
  "Modality": "MR",
  "PartialFourier": 1,
  "PatientPosition": "HFS",
  "PercentPhaseFOV": 100,
  "PercentSampling": 100,
  "PhaseEncodingDirection": "j",
  "PhaseEncodingSteps": 104,
  "PhaseResolution": 1,
  "PixelBandwidth": 2290,
  "ProcedureStepDescription": "Investigators^Winawer",
  "ProtocolName": "cmrr_mbepi_s6_2mm_66sl_PA_task-bar1",
  "PulseSequenceDetails": "%CustomerSeq%\\cmrr_mbep2d_bold",
  "ReceiveCoilActiveElements": "HC1-7",
  "ReceiveCoilName": "HeadNeck_64",
  "ReconMatrixPE": 104,
  "RepetitionTime": 1,
  "SAR": 0.0745475,
  "ScanOptions": "FS",
  "ScanningSequence": "EP",
  "SequenceName": "epfid2d1_104",
  "SequenceVariant": "SK\\SS",
  "SeriesDescription": "cmrr_mbepi_s6_2mm_66sl_PA_task-bar1_SBRef",
  "SeriesNumber": 7,
  "ShimSetting": [283, -12639, -8484, 280, -31, -62, -36, 86],
  "SliceThickness": 2,
  "SliceTiming": [0, 0.0875, 0.1775, 0.265, 0.355, 0.445, 0.5325, 0.6225, 0.7125, 0.8, 0.89, 0.9775, 1.0675, 1.1575, 1.245, 1.335, 1.425, 1.5125, 1.6025, 1.6925, 1.78, 1.87, 1.9575, 2.0475, 2.1375, 2.225, 2.315, 2.405, 2.4925, 2.5825, 2.6725, 2.76, 2.85, 2.9375, 3.0275, 3.1175, 3.205, 3.295, 3.385, 3.4725, 3.5625, 3.65, 3.74, 3.83, 3.9175, 4.0075, 4.0975, 4.185, 4.275, 4.365, 4.4525, 4.5425, 4.63, 4.72, 4.81, 4.8975, 4.9875, 5.0775, 5.165, 5.255, 5.3425, 5.4325, 5.5225, 5.61, 5.7, 5.79],
  "SoftwareVersions": "syngo MR E11",
  "SpacingBetweenSlices": 2,
  "StationName": "AWP166018",
  "TaskName": "bar1",
  "TotalReadoutTime": 0.060771,
  "TxRefAmp": 208.96,
  "VendorReportedEchoSpacing": 0.00059,
  "WipMemBlock": "50c0a34a-0f2a-49e8-b2ef-a7069d066b75||Sequence: R016 ve11c/master r/8780670; Nov 27 2017 15:05:12 by eja",
  "dcmmeta_affine": [
    [-1.9979593753814697, 0.08897966146469116, 0.015526468865573406, 106.88592529296875],
    [0.08783107995986938, 1.994110107421875, -0.12574076652526855, -86.77977752685547],
    [0.0210749302059412, 0.12493062019348145, 1.9959830045700073, -46.41769790649414],
    [0.0, 0.0, 0.0, 1.0]
],
  "dcmmeta_reorient_transform": [
    [0.0, -1.0, 0.0, 103.0],
    [1.0, 0.0, 0.0, 0.0],
    [0.0, 0.0, 1.0, 0.0],
    [0.0, 0.0, 0.0, 1.0]
],
  "dcmmeta_shape": [104, 104, 66],
  "dcmmeta_slice_dim": 2,
  "dcmmeta_version": 0.6,
  "global": {
    "const": {
      "AccessionNumber": "Litbm0vs",
      "AcquisitionMatrix": [104, 0, 0, 104],
      "AcquisitionNumber": 1,
      "AcquisitionTime": "114132.342500",
      "AngioFlag": "N",
      "BitsAllocated": 16,
      "BitsStored": 16,
      "BodyPartExamined": "BRAIN",
      "Columns": 936,
      "ContentTime": "114305.050000",
      "EchoNumbers": 1,
      "EchoTime": 37.6,
      "EchoTrainLength": 104,
      "FlipAngle": 68.0,
      "HighBit": 15,
      "ImageOrientationPatient": [0.99897967303393, -0.0439155404765, 0.01053746505056, 0.04448983088785, 0.99705503351853, -0.062465311037],
      "ImagePositionPatient": [-984.21745921845, -911.62561459015, 9.654123572279],
      "ImageType": [
        "ORIGINAL",
        "PRIMARY",
        "M",
        "ND",
        "MOSAIC"
],
      "ImagedNucleus": "1H",
      "ImagingFrequency": 123.196779,
      "InPlanePhaseEncodingDirection": "COL",
      "InstanceCreationTime": "114305.050000",
      "InstanceNumber": 1,
      "LargestImagePixelValue": 65535,
      "MRAcquisitionType": "2D",
      "MagneticFieldStrength": 3.0,
      "Manufacturer": "SIEMENS",
      "ManufacturerModelName": "Prisma",
      "Modality": "MR",
      "NumberOfAverages": 1.0,
      "NumberOfPhaseEncodingSteps": 104,
      "PercentPhaseFieldOfView": 100.0,
      "PercentSampling": 100.0,
      "PerformedProcedureStepStartTime": "113000.110000",
      "PhotometricInterpretation": "MONOCHROME2",
      "PixelBandwidth": 2290.0,
      "PixelRepresentation": 0,
      "PixelSpacing": [2.0, 2.0],
      "ProtocolName": "cmrr_mbepi_s6_2mm_66sl_PA_task-bar1",
      "RepetitionTime": 1000.0,
      "Rows": 936,
      "SAR": 0.07454751776401,
      "SamplesPerPixel": 1,
      "ScanOptions": "FS",
      "ScanningSequence": "EP",
      "SequenceName": "epfid2d1_104",
      "SequenceVariant": [
        "SK",
        "SS"
],
      "SeriesDescription": "cmrr_mbepi_s6_2mm_66sl_PA_task-bar1_SBRef",
      "SeriesNumber": 7,
      "SeriesTime": "114305.046000",
      "SliceLocation": -40.038809875023,
      "SliceThickness": 2.0,
      "SmallestImagePixelValue": 0,
      "SoftwareVersions": "syngo MR E11",
      "SpacingBetweenSlices": 1.9999999349825,
      "SpecificCharacterSet": "ISO_IR 100",
      "StudyID": "1",
      "StudyTime": "112959.991000",
      "TransmitCoilName": "Body",
      "VariableFlipAngleFlag": "N",
      "WindowCenter": 13465.0,
      "WindowCenterWidthExplanation": "Algo1",
      "WindowWidth": 30636.0,
      "dBdt": 0.0},
    "slices": {}
  }
}