{
  "AcquisitionMatrixPE": 104,
  "AcquisitionNumber": 1,
  "AcquisitionTime": "13:09:33.537500",
  "BandwidthPerPixelPhaseEncode": 16.297,
  "BaseResolution": 104,
  "BodyPartExamined": "BRAIN",
  "ConsistencyInfo": "N4_VE11C_LATEST_20160120",
  "ConversionSoftware": "dcm2niix",
  "ConversionSoftwareVersion": "v1.0.20190902",
  "DerivedVendorReportedEchoSpacing": 0.000590009,
  "DeviceSerialNumber": "166018",
  "DwellTime": 2.1e-06,
  "EchoTime": 0.0376,
  "EchoTrainLength": 104,
  "EffectiveEchoSpacing": 0.000590009,
  "FlipAngle": 68,
  "ImageComments": "Single-band_reference",
  "ImageOrientationPatientDICOM": [0.99864, 0.0489022, 0.0180849, -0.0483175, 0.998336, -0.0314649],
  "ImageType": [
    "ORIGINAL",
    "PRIMARY",
    "M",
    "ND",
    "MOSAIC"
],
  "ImagingFrequency": 123.191,
  "InPlanePhaseEncodingDirectionDICOM": "COL",
  "InstitutionAddress": "Washington_Place_6_NYC_NYC_US_10003",
  "InstitutionName": "NYU_Center_for_Brain_Imaging",
  "InstitutionalDepartmentName": "Department",
  "MRAcquisitionType": "2D",
  "MagneticFieldStrength": 3,
  "Manufacturer": "Siemens",
  "ManufacturersModelName": "Prisma",
  "Modality": "MR",
  "PartialFourier": 1,
  "PatientPosition": "HFS",
  "PercentPhaseFOV": 100,
  "PhaseEncodingDirection": "j",
  "PhaseEncodingSteps": 104,
  "PhaseResolution": 1,
  "PixelBandwidth": 2290,
  "ProcedureStepDescription": "Investigators_Winawer",
  "ProtocolName": "cmrr_mbepi_s6_2mm_66sl_PA_task-prf",
  "PulseSequenceDetails": "%CustomerSeq%_cmrr_mbep2d_bold",
  "ReceiveCoilActiveElements": "HC1-7",
  "ReceiveCoilName": "HeadNeck_64",
  "ReconMatrixPE": 104,
  "RepetitionTime": 1,
  "SAR": 0.0711647,
  "ScanOptions": "FS",
  "ScanningSequence": "EP",
  "SequenceName": "epfid2d1_104",
  "SequenceVariant": "SK_SS",
  "SeriesDescription": "cmrr_mbepi_s6_2mm_66sl_PA_task-prf_SBRef",
  "SeriesNumber": 25,
  "ShimSetting": [279, -12679, -8483, 321, 13, -314, -99, 15],
  "SliceThickness": 2,
  "SliceTiming": [0, 0.09, 0.18, 0.2675, 0.3575, 0.445, 0.535, 0.625, 0.7125, 0.8025, 0.8925, 0.98, 1.07, 1.16, 1.2475, 1.3375, 1.425, 1.515, 1.605, 1.6925, 1.7825, 1.8725, 1.96, 2.05, 2.1375, 2.2275, 2.3175, 2.405, 2.495, 2.585, 2.6725, 2.7625, 2.8525, 2.94, 3.03, 3.1175, 3.2075, 3.2975, 3.385, 3.475, 3.565, 3.6525, 3.7425, 3.83, 3.92, 4.01, 4.0975, 4.1875, 4.2775, 4.365, 4.455, 4.545, 4.6325, 4.7225, 4.81, 4.9, 4.99, 5.0775, 5.1675, 5.2575, 5.345, 5.435, 5.5225, 5.6125, 5.7025, 5.79],
  "SoftwareVersions": "syngo_MR_E11",
  "SpacingBetweenSlices": 2,
  "StationName": "AWP166018",
  "TaskName": "prf",
  "TotalReadoutTime": 0.060771,
  "TxRefAmp": 205.422,
  "VendorReportedEchoSpacing": 0.00059,
  "WipMemBlock": "4a894a66-c1da-45a3-b556-7b1a654cdc51||Sequence: R016 ve11c/master r/8780670; Nov 27 2017 15:05:12 by eja",
  "dcmmeta_affine": [
    [-1.9972796440124512, -0.09663501381874084, 0.03918701410293579, 108.82646179199219],
    [-0.09780436754226685, 1.9966726303100586, -0.06109648942947388, -71.17427062988281],
    [0.03616978973150253, 0.06292971968650818, 1.9986824989318848, -45.530643463134766],
    [0.0, 0.0, 0.0, 1.0]
],
  "dcmmeta_reorient_transform": [
    [0.0, -1.0, 0.0, 103.0],
    [1.0, 0.0, 0.0, 0.0],
    [0.0, 0.0, 1.0, 0.0],
    [0.0, 0.0, 0.0, 1.0]
],
  "dcmmeta_shape": [104, 104, 66],
  "dcmmeta_slice_dim": 2,
  "dcmmeta_version": 0.6,
  "global": {
    "const": {
      "AccessionNumber": "kr26nbg7",
      "AcquisitionMatrix": [104, 0, 0, 104],
      "AcquisitionNumber": 1,
      "AcquisitionTime": "130933.537500",
      "AngioFlag": "N",
      "BitsAllocated": 16,
      "BitsStored": 16,
      "BodyPartExamined": "BRAIN",
      "Columns": 936,
      "ContentTime": "131050.305000",
      "EchoNumbers": 1,
      "EchoTime": 37.6,
      "EchoTrainLength": 104,
      "FlipAngle": 68.0,
      "HighBit": 15,
      "ImageOrientationPatient": [0.99863983150641, 0.0489021832216, 0.01808489438773, -0.0483175062667, 0.99833630665284, -0.0314648598747],
      "ImagePositionPatient": [-889.54122967071, -1005.785432211, -27.916751474082],
      "ImageType": [
        "ORIGINAL",
        "PRIMARY",
        "M",
        "ND",
        "MOSAIC"
],
      "ImagedNucleus": "1H",
      "ImagingFrequency": 123.190636,
      "InPlanePhaseEncodingDirection": "COL",
      "InstanceCreationTime": "131050.305000",
      "InstanceNumber": 1,
      "LargestImagePixelValue": 65535,
      "MRAcquisitionType": "2D",
      "MagneticFieldStrength": 3.0,
      "Manufacturer": "SIEMENS",
      "ManufacturerModelName": "Prisma",
      "Modality": "MR",
      "NumberOfAverages": 1.0,
      "NumberOfPhaseEncodingSteps": 104,
      "PercentPhaseFieldOfView": 100.0,
      "PercentSampling": 100.0,
      "PerformedProcedureStepStartTime": "122909.687000",
      "PhotometricInterpretation": "MONOCHROME2",
      "PixelBandwidth": 2290.0,
      "PixelRepresentation": 0,
      "PixelSpacing": [2.0, 2.0],
      "ProtocolName": "cmrr_mbepi_s6_2mm_66sl_PA_task-prf",
      "RepetitionTime": 1000.0,
      "Rows": 936,
      "SAR": 0.07116466916526,
      "SamplesPerPixel": 1,
      "ScanOptions": "FS",
      "ScanningSequence": "EP",
      "SequenceName": "epfid2d1_104",
      "SequenceVariant": [
        "SK",
        "SS"
],
      "SeriesDescription": "cmrr_mbepi_s6_2mm_66sl_PA_task-prf_SBRef",
      "SeriesNumber": 25,
      "SeriesTime": "131050.301000",
      "SliceLocation": -41.194108676066,
      "SliceThickness": 2.0,
      "SmallestImagePixelValue": 0,
      "SoftwareVersions": "syngo MR E11",
      "SpacingBetweenSlices": 1.9999999977799,
      "SpecificCharacterSet": "ISO_IR 100",
      "StudyID": "1",
      "StudyTime": "122909.541000",
      "TransmitCoilName": "Body",
      "VariableFlipAngleFlag": "N",
      "WindowCenter": 13199.0,
      "WindowCenterWidthExplanation": "Algo1",
      "WindowWidth": 29674.0,
      "dBdt": 0.0},
    "slices": {}
  }
}