{
  "AcquisitionMatrixPE": 104,
  "AcquisitionNumber": 1,
  "AcquisitionTime": "13:27:47.725000",
  "BandwidthPerPixelPhaseEncode": 16.297,
  "BaseResolution": 104,
  "BodyPartExamined": "BRAIN",
  "ConsistencyInfo": "N4_VE11C_LATEST_20160120",
  "ConversionSoftware": "dcm2niix",
  "ConversionSoftwareVersion": "v1.0.20210317",
  "DerivedVendorReportedEchoSpacing": 0.000590009,
  "DeviceSerialNumber": "166018",
  "DwellTime": 2.1e-06,
  "EchoTime": 0.0376,
  "EchoTrainLength": 104,
  "EffectiveEchoSpacing": 0.000590009,
  "FlipAngle": 68,
  "ImageComments": "Single-band reference",
  "ImageOrientationPatientDICOM": [0.999976, -0.00285347, -0.00627495, 0.00209434, 0.993033, -0.117817],
  "ImageType": [
    "ORIGINAL",
    "PRIMARY",
    "M",
    "ND",
    "MOSAIC"
],
  "ImagingFrequency": 123.197,
  "InPlanePhaseEncodingDirectionDICOM": "COL",
  "InstitutionAddress": "Washington Place 6,NYC,NYC,US,10003",
  "InstitutionName": "NYU - CBI",
  "InstitutionalDepartmentName": "Department",
  "MRAcquisitionType": "2D",
  "MagneticFieldStrength": 3,
  "Manufacturer": "Siemens",
  "ManufacturersModelName": "Prisma",
  "Modality": "MR",
  "PartialFourier": 1,
  "PatientPosition": "HFS",
  "PercentPhaseFOV": 100,
  "PercentSampling": 100,
  "PhaseEncodingDirection": "j",
  "PhaseEncodingSteps": 104,
  "PhaseResolution": 1,
  "PixelBandwidth": 2290,
  "ProcedureStepDescription": "Investigators^Winawer",
  "ProtocolName": "cmrr_mbepi_s6_2mm_66sl_PA_task-wedgering1",
  "PulseSequenceDetails": "%CustomerSeq%\\cmrr_mbep2d_bold",
  "ReceiveCoilActiveElements": "HC1-7",
  "ReceiveCoilName": "HeadNeck_64",
  "ReconMatrixPE": 104,
  "RepetitionTime": 1,
  "SAR": 0.0940058,
  "ScanOptions": "FS",
  "ScanningSequence": "EP",
  "SequenceName": "epfid2d1_104",
  "SequenceVariant": "SK\\SS",
  "SeriesDescription": "cmrr_mbepi_s6_2mm_66sl_PA_task-wedgering1_SBRef",
  "SeriesNumber": 9,
  "ShimSetting": [299, -12631, -8454, 273, 37, -58, 1, 64],
  "SliceThickness": 2,
  "SliceTiming": [0, 0.0875, 0.1775, 0.2675, 0.355, 0.445, 0.535, 0.6225, 0.7125, 0.8, 0.89, 0.98, 1.0675, 1.1575, 1.2475, 1.335, 1.425, 1.515, 1.6025, 1.6925, 1.78, 1.87, 1.96, 2.0475, 2.1375, 2.2275, 2.315, 2.405, 2.4925, 2.5825, 2.6725, 2.76, 2.85, 2.94, 3.0275, 3.1175, 3.2075, 3.295, 3.385, 3.4725, 3.5625, 3.6525, 3.74, 3.83, 3.92, 4.0075, 4.0975, 4.185, 4.275, 4.365, 4.4525, 4.5425, 4.6325, 4.72, 4.81, 4.9, 4.9875, 5.0775, 5.165, 5.255, 5.345, 5.4325, 5.5225, 5.6125, 5.7, 5.79],
  "SoftwareVersions": "syngo MR E11",
  "SpacingBetweenSlices": 2,
  "StationName": "AWP166018",
  "TaskName": "wedgering1",
  "TotalReadoutTime": 0.060771,
  "TxRefAmp": 292.773,
  "VendorReportedEchoSpacing": 0.00059,
  "WipMemBlock": "b8631304-ea85-4f1e-834f-dcc8c8f4dbab||Sequence: R016 ve11c/master r/8780670; Nov 27 2017 15:05:12 by eja",
  "dcmmeta_affine": [
    [-1.9999524354934692, 0.004188675433397293, -0.01313483901321888, 108.76008605957031],
    [0.005706930998712778, 1.9860661029815674, -0.23560276627540588, -64.95633697509766],
    [-0.012549897655844688, 0.23563465476036072, 1.98603093624115, -49.256099700927734],
    [0.0, 0.0, 0.0, 1.0]
],
  "dcmmeta_reorient_transform": [
    [0.0, -1.0, 0.0, 103.0],
    [1.0, 0.0, 0.0, 0.0],
    [0.0, 0.0, 1.0, 0.0],
    [0.0, 0.0, 0.0, 1.0]
],
  "dcmmeta_shape": [104, 104, 66],
  "dcmmeta_slice_dim": 2,
  "dcmmeta_version": 0.6,
  "global": {
    "const": {
      "AccessionNumber": "Lffq0p3i",
      "AcquisitionMatrix": [104, 0, 0, 104],
      "AcquisitionNumber": 1,
      "AcquisitionTime": "132747.725000",
      "AngioFlag": "N",
      "BitsAllocated": 16,
      "BitsStored": 16,
      "BodyPartExamined": "BRAIN",
      "Columns": 936,
      "ContentTime": "132913.464000",
      "EchoNumbers": 1,
      "EchoTime": 37.6,
      "EchoTrainLength": 104,
      "FlipAngle": 68.0,
      "HighBit": 15,
      "ImageOrientationPatient": [0.9999762410922, -0.0028534655954, -0.0062749490212, 0.00209433777121, 0.99303307683678, -0.1178173249458],
      "ImagePositionPatient": [-942.91423855489, -963.43791119637, 78.259041528817],
      "ImageType": [
        "ORIGINAL",
        "PRIMARY",
        "M",
        "ND",
        "MOSAIC"
],
      "ImagedNucleus": "1H",
      "ImagingFrequency": 123.196739,
      "InPlanePhaseEncodingDirection": "COL",
      "InstanceCreationTime": "132913.464000",
      "InstanceNumber": 1,
      "LargestImagePixelValue": 65535,
      "MRAcquisitionType": "2D",
      "MagneticFieldStrength": 3.0,
      "Manufacturer": "SIEMENS",
      "ManufacturerModelName": "Prisma",
      "Modality": "MR",
      "NumberOfAverages": 1.0,
      "NumberOfPhaseEncodingSteps": 104,
      "PercentPhaseFieldOfView": 100.0,
      "PercentSampling": 100.0,
      "PerformedProcedureStepStartTime": "131518.465000",
      "PhotometricInterpretation": "MONOCHROME2",
      "PixelBandwidth": 2290.0,
      "PixelRepresentation": 0,
      "PixelSpacing": [2.0, 2.0],
      "ProtocolName": "cmrr_mbepi_s6_2mm_66sl_PA_task-wedgering1",
      "RepetitionTime": 1000.0,
      "Rows": 936,
      "SAR": 0.09400578475125,
      "SamplesPerPixel": 1,
      "ScanOptions": "FS",
      "ScanningSequence": "EP",
      "SequenceName": "epfid2d1_104",
      "SequenceVariant": [
        "SK",
        "SS"
],
      "SeriesDescription": "cmrr_mbepi_s6_2mm_66sl_PA_task-wedgering1_SBRef",
      "SeriesNumber": 9,
      "SeriesTime": "132913.460000",
      "SliceLocation": -41.974394591277,
      "SliceThickness": 2.0,
      "SmallestImagePixelValue": 0,
      "SoftwareVersions": "syngo MR E11",
      "SpacingBetweenSlices": 2.0000000158623,
      "SpecificCharacterSet": "ISO_IR 100",
      "StudyID": "1",
      "StudyTime": "131518.336000",
      "TransmitCoilName": "Body",
      "VariableFlipAngleFlag": "N",
      "WindowCenter": 14095.0,
      "WindowCenterWidthExplanation": "Algo1",
      "WindowWidth": 31075.0,
      "dBdt": 0.0},
    "slices": {}
  }
}