{
  "AcquisitionMatrixPE": 104,
  "AcquisitionNumber": 1,
  "AcquisitionTime": "11:44:54.125000",
  "BandwidthPerPixelPhaseEncode": 16.297,
  "BaseResolution": 104,
  "BodyPartExamined": "BRAIN",
  "ConsistencyInfo": "N4_VE11C_LATEST_20160120",
  "ConversionSoftware": "dcm2niix",
  "ConversionSoftwareVersion": "v1.0.20210317",
  "DerivedVendorReportedEchoSpacing": 0.000590009,
  "DeviceSerialNumber": "166018",
  "DwellTime": 2.1e-06,
  "EchoTime": 0.0376,
  "EchoTrainLength": 104,
  "EffectiveEchoSpacing": 0.000590009,
  "FlipAngle": 68,
  "ImageComments": "Single-band reference",
  "ImageOrientationPatientDICOM": [0.993953, 0.033634, -0.104526, -0.0548745, 0.976687, -0.207535],
  "ImageType": [
    "ORIGINAL",
    "PRIMARY",
    "M",
    "ND",
    "MOSAIC"
],
  "ImagingFrequency": 123.197,
  "InPlanePhaseEncodingDirectionDICOM": "COL",
  "InstitutionAddress": "Washington Place 6,NYC,NYC,US,10003",
  "InstitutionName": "NYU - CBI",
  "InstitutionalDepartmentName": "Department",
  "MRAcquisitionType": "2D",
  "MagneticFieldStrength": 3,
  "Manufacturer": "Siemens",
  "ManufacturersModelName": "Prisma",
  "Modality": "MR",
  "PartialFourier": 1,
  "PatientPosition": "HFS",
  "PercentPhaseFOV": 100,
  "PercentSampling": 100,
  "PhaseEncodingDirection": "j",
  "PhaseEncodingSteps": 104,
  "PhaseResolution": 1,
  "PixelBandwidth": 2290,
  "ProcedureStepDescription": "Investigators^Winawer",
  "ProtocolName": "cmrr_mbepi_s6_2mm_66sl_PA_task-bar3",
  "PulseSequenceDetails": "%CustomerSeq%\\cmrr_mbep2d_bold",
  "ReceiveCoilActiveElements": "HC1-7",
  "ReceiveCoilName": "HeadNeck_64",
  "ReconMatrixPE": 104,
  "RepetitionTime": 1,
  "SAR": 0.0661144,
  "ScanOptions": "FS",
  "ScanningSequence": "EP",
  "SequenceName": "epfid2d1_104",
  "SequenceVariant": "SK\\SS",
  "SeriesDescription": "cmrr_mbepi_s6_2mm_66sl_PA_task-bar3_SBRef",
  "SeriesNumber": 15,
  "ShimSetting": [229, -12617, -8623, 348, -206, 57, -346, -45],
  "SliceThickness": 2,
  "SliceTiming": [0, 0.09, 0.18, 0.2675, 0.3575, 0.4475, 0.535, 0.625, 0.7125, 0.8025, 0.8925, 0.98, 1.07, 1.16, 1.2475, 1.3375, 1.4275, 1.515, 1.605, 1.6925, 1.7825, 1.8725, 1.96, 2.05, 2.14, 2.2275, 2.3175, 2.405, 2.495, 2.585, 2.6725, 2.7625, 2.8525, 2.94, 3.03, 3.12, 3.2075, 3.2975, 3.385, 3.475, 3.565, 3.6525, 3.7425, 3.8325, 3.92, 4.01, 4.0975, 4.1875, 4.2775, 4.365, 4.455, 4.545, 4.6325, 4.7225, 4.8125, 4.9, 4.99, 5.0775, 5.1675, 5.2575, 5.345, 5.435, 5.525, 5.6125, 5.7025, 5.79],
  "SoftwareVersions": "syngo MR E11",
  "SpacingBetweenSlices": 2,
  "StationName": "AWP166018",
  "TaskName": "bar3",
  "TotalReadoutTime": 0.060771,
  "TxRefAmp": 215.657,
  "VendorReportedEchoSpacing": 0.00059,
  "WipMemBlock": "f275ecb5-8963-4b1d-ac42-4997871a9dc8||Sequence: R016 ve11c/master r/8780670; Nov 27 2017 15:05:12 by eja",
  "dcmmeta_affine": [
    [-1.9879064559936523, -0.10974904894828796, -0.19021818041801453, 117.07968139648438],
    [-0.0672679990530014, 1.9533746242523193, -0.4240315854549408, -75.77146911621094],
    [-0.2090522050857544, 0.4150697588920593, 1.9452543258666992, -74.32501983642578],
    [0.0, 0.0, 0.0, 1.0]
],
  "dcmmeta_reorient_transform": [
    [0.0, -1.0, 0.0, 103.0],
    [1.0, 0.0, 0.0, 0.0],
    [0.0, 0.0, 1.0, 0.0],
    [0.0, 0.0, 0.0, 1.0]
],
  "dcmmeta_shape": [104, 104, 66],
  "dcmmeta_slice_dim": 2,
  "dcmmeta_version": 0.6,
  "global": {
    "const": {
      "AccessionNumber": "Lesstuve",
      "AcquisitionMatrix": [104, 0, 0, 104],
      "AcquisitionNumber": 1,
      "AcquisitionTime": "114454.125000",
      "AngioFlag": "N",
      "BitsAllocated": 16,
      "BitsStored": 16,
      "BodyPartExamined": "BRAIN",
      "Columns": 936,
      "ContentTime": "114626.538000",
      "EchoNumbers": 1,
      "EchoTime": 37.6,
      "EchoTrainLength": 104,
      "FlipAngle": 68.0,
      "HighBit": 15,
      "ImageOrientationPatient": [0.99395324223021, 0.03363399981454, -0.1045261035174, -0.054874525324, 0.97668728894531, -0.2075348791966],
      "ImagePositionPatient": [-887.08902240802, -966.01342746635, 228.06190391694],
      "ImageType": [
        "ORIGINAL",
        "PRIMARY",
        "M",
        "ND",
        "MOSAIC"
],
      "ImagedNucleus": "1H",
      "ImagingFrequency": 123.196952,
      "InPlanePhaseEncodingDirection": "COL",
      "InstanceCreationTime": "114626.538000",
      "InstanceNumber": 1,
      "LargestImagePixelValue": 65535,
      "MRAcquisitionType": "2D",
      "MagneticFieldStrength": 3.0,
      "Manufacturer": "SIEMENS",
      "ManufacturerModelName": "Prisma",
      "Modality": "MR",
      "NumberOfAverages": 1.0,
      "NumberOfPhaseEncodingSteps": 104,
      "PercentPhaseFieldOfView": 100.0,
      "PercentSampling": 100.0,
      "PerformedProcedureStepStartTime": "111533.257000",
      "PhotometricInterpretation": "MONOCHROME2",
      "PixelBandwidth": 2290.0,
      "PixelRepresentation": 0,
      "PixelSpacing": [2.0, 2.0],
      "ProtocolName": "cmrr_mbepi_s6_2mm_66sl_PA_task-bar3",
      "RepetitionTime": 1000.0,
      "Rows": 936,
      "SAR": 0.06611438663317,
      "SamplesPerPixel": 1,
      "ScanOptions": "FS",
      "ScanningSequence": "EP",
      "SequenceName": "epfid2d1_104",
      "SequenceVariant": [
        "SK",
        "SS"
],
      "SeriesDescription": "cmrr_mbepi_s6_2mm_66sl_PA_task-bar3_SBRef",
      "SeriesNumber": 15,
      "SeriesTime": "114626.534000",
      "SliceLocation": -67.361125869685,
      "SliceThickness": 2.0,
      "SmallestImagePixelValue": 0,
      "SoftwareVersions": "syngo MR E11",
      "SpacingBetweenSlices": 2.0000000463778,
      "SpecificCharacterSet": "ISO_IR 100",
      "StudyID": "1",
      "StudyTime": "111533.192000",
      "TransmitCoilName": "Body",
      "VariableFlipAngleFlag": "N",
      "WindowCenter": 13403.0,
      "WindowCenterWidthExplanation": "Algo1",
      "WindowWidth": 30448.0,
      "dBdt": 0.0},
    "slices": {}
  }
}