{
  "AcquisitionMatrixPE": 104,
  "AcquisitionNumber": 1,
  "AcquisitionTime": "12:04:58.640000",
  "BandwidthPerPixelPhaseEncode": 16.297,
  "BaseResolution": 104,
  "BodyPartExamined": "BRAIN",
  "ConsistencyInfo": "N4_VE11C_LATEST_20160120",
  "ConversionSoftware": "dcm2niix",
  "ConversionSoftwareVersion": "v1.0.20210317",
  "DerivedVendorReportedEchoSpacing": 0.000590009,
  "DeviceSerialNumber": "166018",
  "DwellTime": 2.1e-06,
  "EchoTime": 0.0376,
  "EchoTrainLength": 104,
  "EffectiveEchoSpacing": 0.000590009,
  "FlipAngle": 68,
  "ImageComments": "Single-band reference",
  "ImageOrientationPatientDICOM": [0.998262, 0.0507435, 0.0299598, -0.0505698, 0.998699, -0.00652948],
  "ImageType": [
    "ORIGINAL",
    "PRIMARY",
    "M",
    "ND",
    "MOSAIC"
],
  "ImagingFrequency": 123.197,
  "InPlanePhaseEncodingDirectionDICOM": "COL",
  "InstitutionAddress": "Washington Place 6,NYC,NYC,US,10003",
  "InstitutionName": "NYU - CBI",
  "InstitutionalDepartmentName": "Department",
  "MRAcquisitionType": "2D",
  "MagneticFieldStrength": 3,
  "Manufacturer": "Siemens",
  "ManufacturersModelName": "Prisma",
  "Modality": "MR",
  "PartialFourier": 1,
  "PatientPosition": "HFS",
  "PercentPhaseFOV": 100,
  "PercentSampling": 100,
  "PhaseEncodingDirection": "j",
  "PhaseEncodingSteps": 104,
  "PhaseResolution": 1,
  "PixelBandwidth": 2290,
  "ProcedureStepDescription": "Investigators^Winawer",
  "ProtocolName": "cmrr_mbepi_s6_2mm_66sl_PA_task-bar2",
  "PulseSequenceDetails": "%CustomerSeq%\\cmrr_mbep2d_bold",
  "ReceiveCoilActiveElements": "HC1-7",
  "ReceiveCoilName": "HeadNeck_64",
  "ReconMatrixPE": 104,
  "RepetitionTime": 1,
  "SAR": 0.0754537,
  "ScanOptions": "FS",
  "ScanningSequence": "EP",
  "SequenceName": "epfid2d1_104",
  "SequenceVariant": "SK\\SS",
  "SeriesDescription": "cmrr_mbepi_s6_2mm_66sl_PA_task-bar2_SBRef",
  "SeriesNumber": 11,
  "ShimSetting": [303, -12677, -8528, 278, -17, -168, -114, 9],
  "SliceThickness": 2,
  "SliceTiming": [0, 0.0875, 0.1775, 0.2675, 0.355, 0.445, 0.5325, 0.6225, 0.7125, 0.8, 0.89, 0.98, 1.0675, 1.1575, 1.2475, 1.335, 1.425, 1.5125, 1.6025, 1.6925, 1.78, 1.87, 1.96, 2.0475, 2.1375, 2.2275, 2.315, 2.405, 2.4925, 2.5825, 2.6725, 2.76, 2.85, 2.94, 3.0275, 3.1175, 3.205, 3.295, 3.385, 3.4725, 3.5625, 3.6525, 3.74, 3.83, 3.92, 4.0075, 4.0975, 4.185, 4.275, 4.365, 4.4525, 4.5425, 4.6325, 4.72, 4.81, 4.8975, 4.9875, 5.0775, 5.165, 5.255, 5.345, 5.4325, 5.5225, 5.6125, 5.7, 5.79],
  "SoftwareVersions": "syngo MR E11",
  "SpacingBetweenSlices": 2,
  "StationName": "AWP166018",
  "TaskName": "bar2",
  "TotalReadoutTime": 0.060771,
  "TxRefAmp": 213.632,
  "VendorReportedEchoSpacing": 0.00059,
  "WipMemBlock": "82eaec69-3dfe-4317-a651-c95d5efadba3||Sequence: R016 ve11c/master r/8780670; Nov 27 2017 15:05:12 by eja",
  "dcmmeta_affine": [
    [-1.996524453163147, -0.10113956034183502, 0.06050429120659828, 111.08380126953125],
    [-0.10148706287145615, 1.9973983764648438, -0.010006144642829895, -79.30956268310547],
    [0.0599195770919323, 0.013058957643806934, 1.9990595579147339, -50.673770904541016],
    [0.0, 0.0, 0.0, 1.0]
],
  "dcmmeta_reorient_transform": [
    [0.0, -1.0, 0.0, 103.0],
    [1.0, 0.0, 0.0, 0.0],
    [0.0, 0.0, 1.0, 0.0],
    [0.0, 0.0, 0.0, 1.0]
],
  "dcmmeta_shape": [104, 104, 66],
  "dcmmeta_slice_dim": 2,
  "dcmmeta_version": 0.6,
  "global": {
    "const": {
      "AccessionNumber": "Lf37ry4e",
      "AcquisitionMatrix": [104, 0, 0, 104],
      "AcquisitionNumber": 1,
      "AcquisitionTime": "120458.640000",
      "AngioFlag": "N",
      "BitsAllocated": 16,
      "BitsStored": 16,
      "BodyPartExamined": "BRAIN",
      "Columns": 936,
      "ContentTime": "120631.687000",
      "EchoNumbers": 1,
      "EchoTime": 37.6,
      "EchoTrainLength": 104,
      "FlipAngle": 68.0,
      "HighBit": 15,
      "ImageOrientationPatient": [0.9982622427124, 0.05074353048973, 0.02995978785393, -0.0505697787768, 0.99869918563124, -0.0065294788433],
      "ImagePositionPatient": [-889.14655746236, -999.55881022197, -68.82271411921],
      "ImageType": [
        "ORIGINAL",
        "PRIMARY",
        "M",
        "ND",
        "MOSAIC"
],
      "ImagedNucleus": "1H",
      "ImagingFrequency": 123.196834,
      "InPlanePhaseEncodingDirection": "COL",
      "InstanceCreationTime": "120631.687000",
      "InstanceNumber": 1,
      "LargestImagePixelValue": 65535,
      "MRAcquisitionType": "2D",
      "MagneticFieldStrength": 3.0,
      "Manufacturer": "SIEMENS",
      "ManufacturerModelName": "Prisma",
      "Modality": "MR",
      "NumberOfAverages": 1.0,
      "NumberOfPhaseEncodingSteps": 104,
      "PercentPhaseFieldOfView": 100.0,
      "PercentSampling": 100.0,
      "PerformedProcedureStepStartTime": "113840.211000",
      "PhotometricInterpretation": "MONOCHROME2",
      "PixelBandwidth": 2290.0,
      "PixelRepresentation": 0,
      "PixelSpacing": [2.0, 2.0],
      "ProtocolName": "cmrr_mbepi_s6_2mm_66sl_PA_task-bar2",
      "RepetitionTime": 1000.0,
      "Rows": 936,
      "SAR": 0.07545369010814,
      "SamplesPerPixel": 1,
      "ScanOptions": "FS",
      "ScanningSequence": "EP",
      "SequenceName": "epfid2d1_104",
      "SequenceVariant": [
        "SK",
        "SS"
],
      "SeriesDescription": "cmrr_mbepi_s6_2mm_66sl_PA_task-bar2_SBRef",
      "SeriesNumber": 11,
      "SeriesTime": "120631.683000",
      "SliceLocation": -46.89262703355,
      "SliceThickness": 2.0,
      "SmallestImagePixelValue": 0,
      "SoftwareVersions": "syngo MR E11",
      "SpacingBetweenSlices": 2.0000000331362,
      "SpecificCharacterSet": "ISO_IR 100",
      "StudyID": "1",
      "StudyTime": "113840.168000",
      "TransmitCoilName": "Body",
      "VariableFlipAngleFlag": "N",
      "WindowCenter": 13123.0,
      "WindowCenterWidthExplanation": "Algo1",
      "WindowWidth": 29464.0,
      "dBdt": 0.0},
    "slices": {}
  }
}