{
  "AcquisitionMatrixPE": 300,
  "AcquisitionNumber": 1,
  "AcquisitionTime": "12:07:16.795000",
  "BaseResolution": 320,
  "BodyPartExamined": "BRAIN",
  "ConsistencyInfo": "N4_VE11C_LATEST_20160120",
  "ConversionSoftware": "dcm2niix",
  "ConversionSoftwareVersion": "v1.0.20210317",
  "DeviceSerialNumber": "166018",
  "DwellTime": 7.4e-06,
  "EchoTime": 0.00224,
  "FlipAngle": 8,
  "ImageOrientationPatientDICOM": [0.0549257, 0.995803, 0.0732075, 0.0330204, 0.0714666, -0.996896],
  "ImageType": [
    "ORIGINAL",
    "PRIMARY",
    "M",
    "ND",
    "NORM"
],
  "ImagingFrequency": 123.197,
  "InPlanePhaseEncodingDirectionDICOM": "ROW",
  "InstitutionAddress": "Washington Place 6,NYC,NYC,US,10003",
  "InstitutionName": "NYU - CBI",
  "InstitutionalDepartmentName": "Department",
  "InversionTime": 1.06,
  "MRAcquisitionType": "3D",
  "MagneticFieldStrength": 3,
  "Manufacturer": "Siemens",
  "ManufacturersModelName": "Prisma",
  "Modality": "MR",
  "ParallelReductionFactorInPlane": 2,
  "PartialFourier": 1,
  "PatientPosition": "HFS",
  "PercentPhaseFOV": 93.75,
  "PercentSampling": 100,
  "PhaseEncodingSteps": 299,
  "PhaseResolution": 1,
  "PixelBandwidth": 210,
  "ProcedureStepDescription": "Investigators^Winawer",
  "ProtocolName": "T1_MPRAGE",
  "PulseSequenceDetails": "%SiemensSeq%\\tfl",
  "ReceiveCoilActiveElements": "HC1-7;NC1,2",
  "ReceiveCoilName": "HeadNeck_64",
  "ReconMatrixPE": 300,
  "RefLinesPE": 32,
  "RepetitionTime": 2.4,
  "SAR": 0.0413022,
  "ScanOptions": "IR",
  "ScanningSequence": "GR\\IR",
  "SequenceName": "*tfl3d1_16ns",
  "SequenceVariant": "SK\\SP\\MP",
  "SeriesDescription": "T1_MPRAGE",
  "SeriesNumber": 19,
  "ShimSetting": [292, -12633, -8749, -48, -6, -25, -12, 27],
  "SliceThickness": 0.8,
  "SoftwareVersions": "syngo MR E11",
  "StationName": "AWP166018",
  "TxRefAmp": 206.267,
  "dcmmeta_affine": [
    [0.7983554601669312, 0.043940555304288864, 0.02641628496348858, -85.64505004882812],
    [-0.04573804885149002, 0.7966424822807312, 0.05717325583100319, -103.86611938476562],
    [-0.023165138438344002, -0.05856601148843765, 0.7975170612335205, -126.88858795166016],
    [0.0, 0.0, 0.0, 1.0]
],
  "dcmmeta_reorient_transform": [
    [0.0, 0.0, -1.0, 319.0],
    [0.0, -1.0, 0.0, 299.0],
    [-1.0, 0.0, 0.0, 191.0],
    [0.0, 0.0, 0.0, 1.0]
],
  "dcmmeta_shape": [192, 300, 320],
  "dcmmeta_slice_dim": 0,
  "dcmmeta_version": 0.6,
  "global": {
    "const": {
      "AccessionNumber": "Lekxxqqx",
      "AcquisitionMatrix": [0, 320, 300, 0],
      "AcquisitionNumber": 1,
      "AcquisitionTime": "120716.795000",
      "AngioFlag": "N",
      "BitsAllocated": 16,
      "BitsStored": 12,
      "BodyPartExamined": "BRAIN",
      "Columns": 300,
      "EchoNumbers": 1,
      "EchoTime": 2.24,
      "EchoTrainLength": 1,
      "FlipAngle": 8.0,
      "HighBit": 11,
      "ImageOrientationPatient": [0.05492569364477, 0.99580310729333, 0.07320751110769, 0.03302035521456, 0.07146656682876, -0.9968962764336],
      "ImageType": [
        "ORIGINAL",
        "PRIMARY",
        "M",
        "ND",
        "NORM"
],
      "ImagedNucleus": "1H",
      "ImagingFrequency": 123.196883,
      "InPlanePhaseEncodingDirection": "ROW",
      "InversionTime": 1060.0,
      "MRAcquisitionType": "3D",
      "MagneticFieldStrength": 3.0,
      "Manufacturer": "SIEMENS",
      "ManufacturerModelName": "Prisma",
      "Modality": "MR",
      "NumberOfAverages": 1.0,
      "NumberOfPhaseEncodingSteps": 299,
      "PercentPhaseFieldOfView": 93.75,
      "PercentSampling": 100.0,
      "PerformedProcedureStepStartTime": "111721.138000",
      "PhotometricInterpretation": "MONOCHROME2",
      "PixelBandwidth": 210.0,
      "PixelRepresentation": 0,
      "PixelSpacing": [0.80000001192093, 0.80000001192093],
      "ProtocolName": "T1_MPRAGE",
      "RepetitionTime": 2400.0,
      "Rows": 320,
      "SAR": 0.04130219978852,
      "SamplesPerPixel": 1,
      "ScanOptions": "IR",
      "ScanningSequence": [
        "GR",
        "IR"
],
      "SequenceName": "*tfl3d1_16ns",
      "SequenceVariant": [
        "SK",
        "SP",
        "MP"
],
      "SeriesDescription": "T1_MPRAGE",
      "SeriesNumber": 19,
      "SeriesTime": "121405.096000",
      "SliceThickness": 0.80000001192093,
      "SmallestImagePixelValue": 0,
      "SoftwareVersions": "syngo MR E11",
      "SpecificCharacterSet": "ISO_IR 100",
      "StudyID": "1",
      "StudyTime": "111721.076000",
      "TransmitCoilName": "Body",
      "VariableFlipAngleFlag": "N",
      "WindowCenterWidthExplanation": "Algo1",
      "dBdt": 0.0},
