{
  "AcquisitionMatrixPE": 104,
  "AcquisitionNumber": 1,
  "AcquisitionTime": "09:26:18.675000",
  "BandwidthPerPixelPhaseEncode": 16.297,
  "BaseResolution": 104,
  "BodyPartExamined": "BRAIN",
  "ConsistencyInfo": "N4_VE11C_LATEST_20160120",
  "ConversionSoftware": "dcm2niix",
  "ConversionSoftwareVersion": "v1.0.20210317",
  "DerivedVendorReportedEchoSpacing": 0.000590009,
  "DeviceSerialNumber": "166018",
  "DwellTime": 2.1e-06,
  "EchoTime": 0.0376,
  "EchoTrainLength": 104,
  "EffectiveEchoSpacing": 0.000590009,
  "FlipAngle": 68,
  "ImageComments": "Single-band reference",
  "ImageOrientationPatientDICOM": [0.999422, -0.0214468, -0.0263772, 0.0160491, 0.981642, -0.190058],
  "ImageType": [
    "ORIGINAL",
    "PRIMARY",
    "M",
    "ND",
    "MOSAIC"
],
  "ImagingFrequency": 123.197,
  "InPlanePhaseEncodingDirectionDICOM": "COL",
  "InstitutionAddress": "Washington Place 6,NYC,NYC,US,10003",
  "InstitutionName": "NYU - CBI",
  "InstitutionalDepartmentName": "Department",
  "MRAcquisitionType": "2D",
  "MagneticFieldStrength": 3,
  "Manufacturer": "Siemens",
  "ManufacturersModelName": "Prisma",
  "Modality": "MR",
  "PartialFourier": 1,
  "PatientPosition": "HFS",
  "PercentPhaseFOV": 100,
  "PercentSampling": 100,
  "PhaseEncodingDirection": "j",
  "PhaseEncodingSteps": 104,
  "PhaseResolution": 1,
  "PixelBandwidth": 2290,
  "ProcedureStepDescription": "Investigators^Winawer",
  "ProtocolName": "cmrr_mbepi_s6_2mm_66sl_PA_task-bar2",
  "PulseSequenceDetails": "%CustomerSeq%\\cmrr_mbep2d_bold",
  "ReceiveCoilActiveElements": "HC1-7",
  "ReceiveCoilName": "HeadNeck_64",
  "ReconMatrixPE": 104,
  "RepetitionTime": 1,
  "SAR": 0.0751782,
  "ScanOptions": "FS",
  "ScanningSequence": "EP",
  "SequenceName": "epfid2d1_104",
  "SequenceVariant": "SK\\SS",
  "SeriesDescription": "cmrr_mbepi_s6_2mm_66sl_PA_task-bar2_SBRef",
  "SeriesNumber": 11,
  "ShimSetting": [294, -12656, -8497, 199, 16, -115, -64, 8],
  "SliceThickness": 2,
  "SliceTiming": [0, 0.09, 0.18, 0.2675, 0.3575, 0.445, 0.535, 0.625, 0.7125, 0.8025, 0.8925, 0.98, 1.07, 1.16, 1.2475, 1.3375, 1.425, 1.515, 1.605, 1.6925, 1.7825, 1.8725, 1.96, 2.05, 2.1375, 2.2275, 2.3175, 2.405, 2.495, 2.585, 2.6725, 2.7625, 2.8525, 2.94, 3.03, 3.1175, 3.2075, 3.2975, 3.385, 3.475, 3.565, 3.6525, 3.7425, 3.8325, 3.92, 4.01, 4.0975, 4.1875, 4.2775, 4.365, 4.455, 4.545, 4.6325, 4.7225, 4.81, 4.9, 4.99, 5.0775, 5.1675, 5.2575, 5.345, 5.435, 5.525, 5.6125, 5.7025, 5.79],
  "SoftwareVersions": "syngo MR E11",
  "SpacingBetweenSlices": 2,
  "StationName": "AWP166018",
  "TaskName": "bar2",
  "TotalReadoutTime": 0.060771,
  "TxRefAmp": 242.968,
  "VendorReportedEchoSpacing": 0.00059,
  "WipMemBlock": "f964c81d-22e2-4386-bb8f-97f4d3e61006||Sequence: R016 ve11c/master r/8780670; Nov 27 2017 15:05:12 by eja",
  "dcmmeta_affine": [
    [-1.9988439083099365, 0.03209828585386276, -0.059938233345746994, 105.57099914550781],
    [0.04289361461997032, 1.9632831811904907, -0.3790505528450012, -72.3161392211914],
    [-0.05275442823767662, 0.38011693954467773, 1.962836742401123, -54.328765869140625],
    [0.0, 0.0, 0.0, 1.0]
],
  "dcmmeta_reorient_transform": [
    [0.0, -1.0, 0.0, 103.0],
    [1.0, 0.0, 0.0, 0.0],
    [0.0, 0.0, 1.0, 0.0],
    [0.0, 0.0, 0.0, 1.0]
],
  "dcmmeta_shape": [104, 104, 66],
  "dcmmeta_slice_dim": 2,
  "dcmmeta_version": 0.6,
  "global": {
    "const": {
      "AccessionNumber": "Lerfni0t",
      "AcquisitionMatrix": [104, 0, 0, 104],
      "AcquisitionNumber": 1,
      "AcquisitionTime": "092618.675000",
      "AngioFlag": "N",
      "BitsAllocated": 16,
      "BitsStored": 16,
      "BodyPartExamined": "BRAIN",
      "Columns": 936,
      "ContentTime": "092738.341000",
      "EchoNumbers": 1,
      "EchoTime": 37.6,
      "EchoTrainLength": 104,
      "FlipAngle": 68.0,
      "HighBit": 15,
      "ImageOrientationPatient": [0.99942197143835, -0.02144680783, -0.0263772144129, 0.01604914228256, 0.9816415857263, -0.1900584704893],
      "ImagePositionPatient": [-953.74908821525, -928.78408113863, 164.89776972697],
      "ImageType": [
        "ORIGINAL",
        "PRIMARY",
        "M",
        "ND",
        "MOSAIC"
],
      "ImagedNucleus": "1H",
      "ImagingFrequency": 123.196814,
      "InPlanePhaseEncodingDirection": "COL",
      "InstanceCreationTime": "092738.341000",
      "InstanceNumber": 1,
      "LargestImagePixelValue": 60758,
      "MRAcquisitionType": "2D",
      "MagneticFieldStrength": 3.0,
      "Manufacturer": "SIEMENS",
      "ManufacturerModelName": "Prisma",
      "Modality": "MR",
      "NumberOfAverages": 1.0,
      "NumberOfPhaseEncodingSteps": 104,
      "PercentPhaseFieldOfView": 100.0,
      "PercentSampling": 100.0,
      "PerformedProcedureStepStartTime": "085354.283000",
      "PhotometricInterpretation": "MONOCHROME2",
      "PixelBandwidth": 2290.0,
      "PixelRepresentation": 0,
      "PixelSpacing": [2.0, 2.0],
      "ProtocolName": "cmrr_mbepi_s6_2mm_66sl_PA_task-bar2",
      "RepetitionTime": 1000.0,
      "Rows": 936,
      "SAR": 0.07517815611415,
      "SamplesPerPixel": 1,
      "ScanOptions": "FS",
      "ScanningSequence": "EP",
      "SequenceName": "epfid2d1_104",
      "SequenceVariant": [
        "SK",
        "SS"
],
      "SeriesDescription": "cmrr_mbepi_s6_2mm_66sl_PA_task-bar2_SBRef",
      "SeriesNumber": 11,
      "SeriesTime": "092738.338000",
      "SliceLocation": -42.777381037677,
      "SliceThickness": 2.0,
      "SmallestImagePixelValue": 0,
      "SoftwareVersions": "syngo MR E11",
      "SpacingBetweenSlices": 1.9999999490726,
      "SpecificCharacterSet": "ISO_IR 100",
      "StudyID": "1",
      "StudyTime": "085354.170000",
      "TransmitCoilName": "Body",
      "VariableFlipAngleFlag": "N",
      "WindowCenter": 12096.0,
      "WindowCenterWidthExplanation": "Algo1",
      "WindowWidth": 26053.0,
      "dBdt": 0.0},
    "slices": {}
  }
}